NUGET
  remote: https://www.nuget.org/api/v2
    CommonMark.NET (0.15.1)
    Dynamitey (1.0.2)
    FAKE (4.61.3)
    FSharp.Configuration (1.3)
      FSharp.Core (>= 4.0.0.1)
    FSharp.Core (4.2.1)
      System.Collections (>= 4.0.11) - restriction: >= netstandard16
      System.Console (>= 4.0) - restriction: >= netstandard16
      System.Diagnostics.Debug (>= 4.0.11) - restriction: >= netstandard16
      System.Diagnostics.Tools (>= 4.0.1) - restriction: >= netstandard16
      System.Globalization (>= 4.0.11) - restriction: >= netstandard16
      System.IO (>= 4.1) - restriction: >= netstandard16
      System.Linq (>= 4.1) - restriction: >= netstandard16
      System.Linq.Expressions (>= 4.1) - restriction: >= netstandard16
      System.Linq.Queryable (>= 4.0.1) - restriction: >= netstandard16
      System.Net.Requests (>= 4.0.11) - restriction: >= netstandard16
      System.Reflection (>= 4.1) - restriction: >= netstandard16
      System.Reflection.Extensions (>= 4.0.1) - restriction: >= netstandard16
      System.Resources.ResourceManager (>= 4.0.1) - restriction: >= netstandard16
      System.Runtime (>= 4.1) - restriction: >= netstandard16
      System.Runtime.Extensions (>= 4.1) - restriction: >= netstandard16
      System.Runtime.Numerics (>= 4.0.1) - restriction: >= netstandard16
      System.Text.RegularExpressions (>= 4.1) - restriction: >= netstandard16
      System.Threading (>= 4.0.11) - restriction: >= netstandard16
      System.Threading.Tasks (>= 4.0.11) - restriction: >= netstandard16
      System.Threading.Tasks.Parallel (>= 4.0.1) - restriction: >= netstandard16
      System.Threading.Thread (>= 4.0) - restriction: >= netstandard16
      System.Threading.ThreadPool (>= 4.0.10) - restriction: >= netstandard16
      System.Threading.Timer (>= 4.0.1) - restriction: >= netstandard16
    FSharp.Data (2.3.3)
      Zlib.Portable (>= 1.11) - restriction: || (&& (< net40) (>= portable-net45+win8)) (&& (< net40) (>= portable-net45+win8+sl5) (< portable-net45+win8+wp8+wpa81)) (&& (< net40) (< portable-net45+win8+sl5) (>= portable-net45+win8+wp8+wpa81))
    FSharp.Interop.Dynamic (3.0)
      Dynamitey (>= 1.0.2)
      FSharp.Core (>= 3.1.2.1)
    Microsoft.AspNet.WebApi (5.2.3)
      Microsoft.AspNet.WebApi.WebHost (>= 5.2.3 < 5.3)
    Microsoft.AspNet.WebApi.Client (5.2.3)
      Microsoft.Net.Http (>= 2.2.22) - restriction: && (< net45) (>= portable-net45+win8+wp8+wp81+wpa81)
      Newtonsoft.Json (>= 6.0.4) - restriction: >= portable-net45+win8+wp8+wp81+wpa81
    Microsoft.AspNet.WebApi.Core (5.2.3)
      Microsoft.AspNet.WebApi.Client (>= 5.2.3)
    Microsoft.AspNet.WebApi.WebHost (5.2.3)
      Microsoft.AspNet.WebApi.Core (>= 5.2.3 < 5.3)
    Microsoft.Azure.KeyVault (2.0.6)
      Microsoft.Azure.KeyVault.WebKey (>= 2.0.4 < 3.0) - restriction: || (>= net45) (>= netstandard15)
      Microsoft.Rest.ClientRuntime (>= 2.3.2 < 3.0) - restriction: || (>= net45) (>= netstandard15)
      Microsoft.Rest.ClientRuntime.Azure (>= 3.3.1 < 4.0) - restriction: || (>= net45) (>= netstandard15)
    Microsoft.Azure.KeyVault.Core (2.0.4) - restriction: || (>= net45) (>= wp8)
    Microsoft.Azure.KeyVault.WebKey (2.0.6) - restriction: || (>= net45) (>= netstandard15)
      Microsoft.NETCore.Platforms (>= 1.0.2) - restriction: && (< net452) (>= netstandard14)
      NETStandard.Library (>= 1.6.1) - restriction: && (< net452) (>= netstandard14)
      Newtonsoft.Json (>= 6.0.8) - restriction: >= net452
      Newtonsoft.Json (>= 9.0.1) - restriction: && (< net452) (>= netstandard14)
      System.Collections (>= 4.0.11) - restriction: && (< net452) (>= netstandard14)
      System.Collections.Concurrent (>= 4.0.12) - restriction: && (< net452) (>= netstandard14)
      System.Linq (>= 4.1) - restriction: && (< net452) (>= netstandard14)
      System.Runtime (>= 4.1) - restriction: && (< net452) (>= netstandard14)
      System.Security.Cryptography.Algorithms (>= 4.2) - restriction: && (< net452) (>= netstandard14)
    Microsoft.Azure.WebJobs (2.0)
      Microsoft.Azure.WebJobs.Core (2.0)
      Newtonsoft.Json (>= 9.0.1)
      WindowsAzure.Storage (>= 7.2.1)
    Microsoft.Azure.WebJobs.Core (2.0)
    Microsoft.Bcl (1.1.10)
      Microsoft.Bcl.Build (>= 1.0.14)
    Microsoft.Bcl.Build (1.0.21) - import_targets: false
    Microsoft.CSharp (4.3) - restriction: || (&& (< net20) (>= netstandard10) (< netstandard13)) (&& (< net20) (>= netstandard13))
      System.Collections (>= 4.3) - restriction: || (&& (< net45) (>= netstandard13) (< monotouch) (< xamarinios) (< xamarinmac) (< win8) (< wpa81)) (>= dnxcore50)
      System.Diagnostics.Debug (>= 4.3) - restriction: || (&& (< net45) (>= netstandard13) (< monotouch) (< xamarinios) (< xamarinmac) (< win8) (< wpa81)) (>= dnxcore50)
      System.Dynamic.Runtime (>= 4.3) - restriction: || (&& (< net45) (>= netstandard10) (< netstandard13) (< monoandroid) (< win8) (< wp8) (< wpa81)) (&& (< net45) (>= netstandard13) (< monotouch) (< xamarinios) (< xamarinmac) (< win8) (< wpa81)) (>= dnxcore50)
      System.Globalization (>= 4.3) - restriction: || (&& (< net45) (>= netstandard13) (< monotouch) (< xamarinios) (< xamarinmac) (< win8) (< wpa81)) (>= dnxcore50)
      System.Linq (>= 4.3) - restriction: || (&& (< net45) (>= netstandard13) (< monotouch) (< xamarinios) (< xamarinmac) (< win8) (< wpa81)) (>= dnxcore50)
      System.Linq.Expressions (>= 4.3) - restriction: || (&& (< net45) (>= netstandard10) (< netstandard13) (< monoandroid) (< win8) (< wp8) (< wpa81)) (&& (< net45) (>= netstandard13) (< monotouch) (< xamarinios) (< xamarinmac) (< win8) (< wpa81)) (>= dnxcore50)
      System.ObjectModel (>= 4.3) - restriction: || (&& (< net45) (>= netstandard13) (< monotouch) (< xamarinios) (< xamarinmac) (< win8) (< wpa81)) (>= dnxcore50)
      System.Reflection (>= 4.3) - restriction: || (&& (< net45) (>= netstandard13) (< monotouch) (< xamarinios) (< xamarinmac) (< win8) (< wpa81)) (>= dnxcore50)
      System.Reflection.Extensions (>= 4.3) - restriction: || (&& (< net45) (>= netstandard13) (< monotouch) (< xamarinios) (< xamarinmac) (< win8) (< wpa81)) (>= dnxcore50)
      System.Reflection.Primitives (>= 4.3) - restriction: || (&& (< net45) (>= netstandard13) (< monotouch) (< xamarinios) (< xamarinmac) (< win8) (< wpa81)) (>= dnxcore50)
      System.Reflection.TypeExtensions (>= 4.3) - restriction: || (&& (< net45) (>= netstandard13) (< monotouch) (< xamarinios) (< xamarinmac) (< win8) (< wpa81)) (>= dnxcore50)
      System.Resources.ResourceManager (>= 4.3) - restriction: || (&& (< net45) (>= netstandard13) (< monotouch) (< xamarinios) (< xamarinmac) (< win8) (< wpa81)) (>= dnxcore50)
      System.Runtime (>= 4.3) - restriction: || (&& (< net45) (>= netstandard10) (< netstandard13) (< monoandroid) (< win8) (< wp8) (< wpa81)) (&& (< net45) (>= netstandard13) (< monotouch) (< xamarinios) (< xamarinmac) (< win8) (< wpa81)) (>= dnxcore50)
      System.Runtime.Extensions (>= 4.3) - restriction: || (&& (< net45) (>= netstandard13) (< monotouch) (< xamarinios) (< xamarinmac) (< win8) (< wpa81)) (>= dnxcore50)
      System.Runtime.InteropServices (>= 4.3) - restriction: || (&& (< net45) (>= netstandard13) (< monotouch) (< xamarinios) (< xamarinmac) (< win8) (< wpa81)) (>= dnxcore50)
      System.Threading (>= 4.3) - restriction: || (&& (< net45) (>= netstandard13) (< monotouch) (< xamarinios) (< xamarinmac) (< win8) (< wpa81)) (>= dnxcore50)
    Microsoft.Data.Edm (5.8.2) - restriction: || (>= net45) (&& (>= netstandard10) (< netstandard13) (< win8)) (&& (< netstandard10) (>= win8)) (&& (>= netstandard13) (< win8)) (>= wp8) (>= wpa81)
    Microsoft.Data.OData (5.8.2) - restriction: || (>= net45) (&& (>= netstandard10) (< netstandard13) (< win8)) (&& (< netstandard10) (>= win8)) (&& (>= netstandard13) (< win8)) (>= wp8) (>= wpa81)
      Microsoft.Data.Edm (5.8.2)
      System.Spatial (5.8.2)
    Microsoft.Data.Services.Client (5.8.2) - restriction: >= net45
      Microsoft.Data.OData (5.8.2)
      System.ComponentModel.EventBasedAsync (>= 4.0.11) - restriction: >= netstandard11
      System.Dynamic.Runtime (>= 4.0) - restriction: >= netstandard11
      System.Linq.Queryable (>= 4.0) - restriction: >= netstandard11
      System.Net.Requests (>= 4.0.11) - restriction: >= netstandard11
    Microsoft.IdentityModel.Clients.ActiveDirectory (3.13.9)
      NETStandard.Library (>= 1.6) - restriction: && (< net45) (>= netstandard14) (< xamarinios)
      System.Runtime.Serialization.Json (>= 4.0.2) - restriction: && (< net45) (>= netstandard14) (< xamarinios)
      System.Runtime.Serialization.Primitives (>= 4.1.1) - restriction: && (< net45) (>= netstandard14) (< xamarinios)
    Microsoft.Net.Http (2.2.29)
      Microsoft.Bcl (>= 1.1.10)
      Microsoft.Bcl.Build (>= 1.0.14)
    Microsoft.NETCore.Platforms (1.1) - restriction: || (&& (< net20) (>= netstandard10) (< netstandard11) (< monoandroid) (< win8) (< wp8)) (&& (< net20) (>= netstandard10) (< netstandard12) (< monoandroid) (< win8) (< wp8)) (&& (< net20) (>= netstandard10) (< netstandard13)) (&& (< net20) (>= netstandard11) (< netstandard12) (< monoandroid) (< win8)) (&& (< net20) (>= netstandard11) (< netstandard13) (< monoandroid) (< win8) (< wpa81)) (&& (< net20) (>= netstandard12) (< netstandard13) (< monoandroid) (< win8) (< wpa81)) (&& (< net20) (>= netstandard12) (< netstandard13) (< win81) (< wpa81)) (&& (< net20) (>= netstandard13)) (&& (< net20) (< netstandard13) (>= netstandard15)) (&& (< net20) (>= netstandard15) (< monotouch) (< xamarinios) (< xamarinmac)) (&& (< net45) (>= netstandard11) (< netstandard12) (< monoandroid) (< win8)) (&& (< net45) (>= netstandard11) (< netstandard13) (< monoandroid) (< win8) (< wpa81)) (&& (< net45) (>= netstandard12) (< netstandard13) (< monoandroid) (< win8) (< wpa81)) (&& (< net45) (< netstandard12) (>= netstandard13) (< monoandroid) (< win8)) (&& (< net45) (< netstandard12) (>= netstandard14) (< monoandroid) (< win8)) (&& (< net45) (>= netstandard13) (< netstandard15) (< monoandroid) (< win8) (< wpa81)) (&& (< net45) (>= netstandard13) (< netstandard16) (< monoandroid) (< win8) (< wpa81)) (&& (< net45) (>= netstandard13) (< monoandroid) (< monotouch) (< xamarinios) (< xamarinmac) (< win8) (< wpa81)) (&& (< net45) (< netstandard13) (>= netstandard14) (< monoandroid) (< win8) (< wpa81)) (&& (< net45) (< netstandard13) (>= netstandard15) (< monoandroid)) (&& (< net45) (>= netstandard14) (< netstandard15) (< monoandroid) (< win8) (< wpa81)) (&& (< net45) (>= netstandard14) (< monotouch) (< xamarinios) (< xamarinmac) (< win8) (< wpa81)) (&& (< net45) (>= netstandard15) (< netstandard16) (< monoandroid)) (&& (< net45) (>= netstandard15) (< monotouch) (< xamarinios) (< xamarinmac)) (&& (< net451) (>= netstandard14) (< monotouch) (< xamarinios) (< xamarinmac) (< win81) (< wpa81)) (&& (< net452) (>= netstandard14)) (&& (< net452) (>= netstandard15)) (&& (>= net46) (>= netstandard16)) (>= dnxcore50) (&& (< netstandard11) (>= netstandard13) (< monoandroid) (< win8)) (&& (< netstandard11) (>= netstandard14) (< monoandroid) (< win8)) (&& (< netstandard11) (>= netstandard16) (< monoandroid)) (&& (< netstandard12) (>= netstandard16) (< monoandroid)) (&& (< netstandard13) (>= netstandard16) (< monoandroid)) (&& (< netstandard15) (>= netstandard16) (< monoandroid)) (&& (>= netstandard16) (< monotouch) (< xamarinios) (< xamarinmac)) (>= netcore11)
    Microsoft.NETCore.Targets (1.1) - restriction: || (&& (< net20) (>= netstandard10) (< netstandard11) (< monoandroid) (< win8) (< wp8)) (&& (< net20) (>= netstandard10) (< netstandard12) (< monoandroid) (< win8) (< wp8)) (&& (< net20) (>= netstandard10) (< netstandard13) (< win8) (< wp8) (< wpa81)) (&& (< net20) (>= netstandard11) (< netstandard12) (< monoandroid) (< win8)) (&& (< net20) (>= netstandard11) (< netstandard13) (< monoandroid) (< win8) (< wpa81)) (&& (< net20) (>= netstandard12) (< netstandard13) (< monoandroid) (< win8) (< wpa81)) (&& (< net20) (>= netstandard12) (< netstandard13) (< win81) (< wpa81)) (&& (< net20) (< netstandard12) (>= netstandard13) (< monoandroid) (< win8)) (&& (< net20) (>= netstandard13) (< netstandard15) (< monoandroid) (< win8) (< wpa81)) (&& (< net20) (>= netstandard13) (< monotouch) (< xamarinios) (< xamarinmac)) (&& (< net20) (< netstandard13) (>= netstandard15)) (&& (< net20) (>= netstandard15) (< monotouch) (< xamarinios) (< xamarinmac)) (&& (< net45) (>= netstandard11) (< netstandard12) (< monoandroid) (< win8)) (&& (< net45) (>= netstandard11) (< netstandard13) (< monoandroid) (< win8) (< wpa81)) (&& (< net45) (>= netstandard12) (< netstandard13) (< monoandroid) (< win8) (< wpa81)) (&& (< net45) (< netstandard12) (>= netstandard13) (< monoandroid) (< win8)) (&& (< net45) (< netstandard12) (>= netstandard14) (< monoandroid) (< win8)) (&& (< net45) (>= netstandard13) (< netstandard15) (< monoandroid) (< win8) (< wpa81)) (&& (< net45) (>= netstandard13) (< netstandard16) (< monoandroid) (< win8) (< wpa81)) (&& (< net45) (>= netstandard13) (< monoandroid) (< monotouch) (< xamarinios) (< xamarinmac) (< win8) (< wpa81)) (&& (< net45) (< netstandard13) (>= netstandard14) (< monoandroid) (< win8) (< wpa81)) (&& (< net45) (< netstandard13) (>= netstandard15) (< monoandroid)) (&& (< net45) (>= netstandard14) (< netstandard15) (< monoandroid) (< win8) (< wpa81)) (&& (< net45) (>= netstandard14) (< monotouch) (< xamarinios) (< xamarinmac) (< win8) (< wpa81)) (&& (< net45) (>= netstandard15) (< netstandard16) (< monoandroid)) (&& (< net45) (>= netstandard15) (< monotouch) (< xamarinios) (< xamarinmac)) (&& (< net451) (>= netstandard14) (< monotouch) (< xamarinios) (< xamarinmac) (< win81) (< wpa81)) (&& (< net452) (>= netstandard14) (< monotouch) (< xamarinios) (< xamarinmac)) (>= dnxcore50) (&& (< netstandard11) (>= netstandard13) (< monoandroid) (< win8)) (&& (< netstandard11) (>= netstandard14) (< monoandroid) (< win8)) (&& (< netstandard11) (>= netstandard16) (< monoandroid)) (&& (< netstandard12) (>= netstandard16) (< monoandroid)) (&& (< netstandard13) (>= netstandard16) (< monoandroid)) (&& (< netstandard15) (>= netstandard16) (< monoandroid)) (&& (>= netstandard16) (< monotouch) (< xamarinios) (< xamarinmac)) (>= netcore11)
    Microsoft.Rest.ClientRuntime (2.3.8)
      NETStandard.Library (>= 1.6.1) - restriction: && (< net452) (>= netstandard14)
      Newtonsoft.Json (>= 6.0.8) - restriction: >= net452
      Newtonsoft.Json (>= 9.0.1) - restriction: && (< net452) (>= netstandard14)
    Microsoft.Rest.ClientRuntime.Azure (3.3.8)
      Microsoft.Rest.ClientRuntime (>= 2.3.8 < 3.0) - restriction: || (>= net452) (>= netstandard14)
      NETStandard.Library (>= 1.6.1) - restriction: && (< net452) (>= netstandard14)
      Newtonsoft.Json (>= 6.0.8) - restriction: >= net452
      Newtonsoft.Json (>= 9.0.1) - restriction: && (< net452) (>= netstandard14)
    Microsoft.Win32.Primitives (4.3) - restriction: || (&& (< net20) (>= netstandard13)) (&& (< net45) (>= netstandard13) (< netstandard16) (< monoandroid) (< win8) (< wpa81)) (&& (< net452) (>= netstandard14)) (&& (>= netstandard16) (< monotouch) (< xamarinios) (< xamarinmac))
      Microsoft.NETCore.Platforms (>= 1.1) - restriction: && (< net46) (>= netstandard13) (< monotouch) (< xamarinios) (< xamarinmac)
      Microsoft.NETCore.Targets (>= 1.1) - restriction: && (< net46) (>= netstandard13) (< monotouch) (< xamarinios) (< xamarinmac)
      System.Runtime (>= 4.3) - restriction: && (< net46) (>= netstandard13) (< monotouch) (< xamarinios) (< xamarinmac)
    Microsoft.Win32.Registry (4.3) - restriction: && (>= netstandard16) (< monotouch) (< xamarinios) (< xamarinmac)
      Microsoft.NETCore.Platforms (>= 1.1) - restriction: && (< net46) (>= netstandard13)
      System.Collections (>= 4.3) - restriction: && (< net46) (>= netstandard13)
      System.Globalization (>= 4.3) - restriction: && (< net46) (>= netstandard13)
      System.Resources.ResourceManager (>= 4.3) - restriction: && (< net46) (>= netstandard13)
      System.Runtime (>= 4.3) - restriction: && (< net46) (>= netstandard13)
      System.Runtime.Extensions (>= 4.3) - restriction: && (< net46) (>= netstandard13)
      System.Runtime.Handles (>= 4.3) - restriction: && (< net46) (>= netstandard13)
      System.Runtime.InteropServices (>= 4.3) - restriction: && (< net46) (>= netstandard13)
    NETStandard.Library (1.6.1) - restriction: || (&& (< net20) (>= netstandard10) (< netstandard13)) (&& (< net20) (>= netstandard13)) (&& (< net45) (>= netstandard10) (< netstandard13) (< win8) (< wp8) (< wpa81)) (&& (< net45) (>= netstandard13) (< win8) (< wpa81)) (&& (< net45) (>= netstandard14) (< xamarinios)) (&& (< net452) (>= netstandard14)) (&& (< net452) (>= netstandard15)) (>= netstandard16)
      Microsoft.NETCore.Platforms (>= 1.1) - restriction: >= netstandard10
      Microsoft.Win32.Primitives (>= 4.3) - restriction: >= netstandard13
      System.AppContext (>= 4.3) - restriction: >= netstandard13
      System.Collections (>= 4.3) - restriction: >= netstandard10
      System.Collections.Concurrent (>= 4.3) - restriction: >= netstandard11
      System.Console (>= 4.3) - restriction: >= netstandard13
      System.Diagnostics.Debug (>= 4.3) - restriction: >= netstandard10
      System.Diagnostics.Tools (>= 4.3) - restriction: >= netstandard10
      System.Diagnostics.Tracing (>= 4.3) - restriction: >= netstandard11
      System.Globalization (>= 4.3) - restriction: >= netstandard10
      System.Globalization.Calendars (>= 4.3) - restriction: >= netstandard13
      System.IO (>= 4.3) - restriction: >= netstandard10
      System.IO.Compression (>= 4.3) - restriction: >= netstandard11
      System.IO.Compression.ZipFile (>= 4.3) - restriction: >= netstandard13
      System.IO.FileSystem (>= 4.3) - restriction: >= netstandard13
      System.IO.FileSystem.Primitives (>= 4.3) - restriction: >= netstandard13
      System.Linq (>= 4.3) - restriction: >= netstandard10
      System.Linq.Expressions (>= 4.3) - restriction: >= netstandard10
      System.Net.Http (>= 4.3) - restriction: >= netstandard11
      System.Net.Primitives (>= 4.3) - restriction: >= netstandard10
      System.Net.Sockets (>= 4.3) - restriction: >= netstandard13
      System.ObjectModel (>= 4.3) - restriction: >= netstandard10
      System.Reflection (>= 4.3) - restriction: >= netstandard10
      System.Reflection.Extensions (>= 4.3) - restriction: >= netstandard10
      System.Reflection.Primitives (>= 4.3) - restriction: >= netstandard10
      System.Resources.ResourceManager (>= 4.3) - restriction: >= netstandard10
      System.Runtime (>= 4.3) - restriction: >= netstandard10
      System.Runtime.Extensions (>= 4.3) - restriction: >= netstandard10
      System.Runtime.Handles (>= 4.3) - restriction: >= netstandard13
      System.Runtime.InteropServices (>= 4.3) - restriction: >= netstandard11
      System.Runtime.InteropServices.RuntimeInformation (>= 4.3) - restriction: >= netstandard11
      System.Runtime.Numerics (>= 4.3) - restriction: >= netstandard11
      System.Security.Cryptography.Algorithms (>= 4.3) - restriction: >= netstandard13
      System.Security.Cryptography.Encoding (>= 4.3) - restriction: >= netstandard13
      System.Security.Cryptography.Primitives (>= 4.3) - restriction: >= netstandard13
      System.Security.Cryptography.X509Certificates (>= 4.3) - restriction: >= netstandard13
      System.Text.Encoding (>= 4.3) - restriction: >= netstandard10
      System.Text.Encoding.Extensions (>= 4.3) - restriction: >= netstandard10
      System.Text.RegularExpressions (>= 4.3) - restriction: >= netstandard10
      System.Threading (>= 4.3) - restriction: >= netstandard10
      System.Threading.Tasks (>= 4.3) - restriction: >= netstandard10
      System.Threading.Timer (>= 4.3) - restriction: >= netstandard12
      System.Xml.ReaderWriter (>= 4.3) - restriction: >= netstandard10
      System.Xml.XDocument (>= 4.3) - restriction: >= netstandard10
    Newtonsoft.Json (10.0.3)
      Microsoft.CSharp (>= 4.3) - restriction: || (&& (< net20) (>= netstandard10) (< netstandard13)) (&& (< net20) (>= netstandard13))
      NETStandard.Library (>= 1.6.1) - restriction: || (&& (< net20) (>= netstandard10) (< netstandard13)) (&& (< net20) (>= netstandard13))
      System.ComponentModel.TypeConverter (>= 4.3) - restriction: || (&& (< net20) (>= netstandard10) (< netstandard13)) (&& (< net20) (>= netstandard13))
      System.Runtime.Serialization.Formatters (>= 4.3) - restriction: && (< net20) (>= netstandard13)
      System.Runtime.Serialization.Primitives (>= 4.3) - restriction: || (&& (< net20) (>= netstandard10) (< netstandard13)) (&& (< net20) (>= netstandard13))
      System.Xml.XmlDocument (>= 4.3) - restriction: && (< net20) (>= netstandard13)
    runtime.debian.8-x64.runtime.native.System.Security.Cryptography.OpenSsl (4.3.1) - restriction: || (&& (< net20) (>= netstandard13) (< monotouch) (< xamarinios) (< xamarinmac)) (&& (< net45) (>= netstandard13) (< netstandard16) (< monoandroid) (< win8) (< wpa81)) (&& (< net452) (>= netstandard14) (< monotouch) (< xamarinios) (< xamarinmac)) (&& (>= netstandard16) (< monotouch) (< xamarinios) (< xamarinmac))
    runtime.fedora.23-x64.runtime.native.System.Security.Cryptography.OpenSsl (4.3.1) - restriction: || (&& (< net20) (>= netstandard13) (< monotouch) (< xamarinios) (< xamarinmac)) (&& (< net45) (>= netstandard13) (< netstandard16) (< monoandroid) (< win8) (< wpa81)) (&& (< net452) (>= netstandard14) (< monotouch) (< xamarinios) (< xamarinmac)) (&& (>= netstandard16) (< monotouch) (< xamarinios) (< xamarinmac))
    runtime.fedora.24-x64.runtime.native.System.Security.Cryptography.OpenSsl (4.3.1) - restriction: || (&& (< net20) (>= netstandard13) (< monotouch) (< xamarinios) (< xamarinmac)) (&& (< net45) (>= netstandard13) (< netstandard16) (< monoandroid) (< win8) (< wpa81)) (&& (< net452) (>= netstandard14) (< monotouch) (< xamarinios) (< xamarinmac)) (&& (>= netstandard16) (< monotouch) (< xamarinios) (< xamarinmac))
    runtime.native.System (4.3) - restriction: || (&& (< net20) (>= netstandard11) (< netstandard13) (< win8) (< wpa81)) (&& (< net20) (>= netstandard13) (< monotouch) (< xamarinios) (< xamarinmac) (< win8) (< wpa81)) (&& (< net45) (>= netstandard13) (< netstandard16) (< monoandroid) (< win8) (< wpa81)) (&& (< net45) (>= netstandard14) (< monotouch) (< xamarinios) (< xamarinmac) (< win8) (< wpa81)) (&& (>= netstandard16) (< monotouch) (< xamarinios) (< xamarinmac))
      Microsoft.NETCore.Platforms (>= 1.1)
      Microsoft.NETCore.Targets (>= 1.1)
    runtime.native.System.IO.Compression (4.3) - restriction: || (&& (< net20) (>= netstandard13) (< monotouch) (< xamarinios) (< xamarinmac) (< win8) (< wpa81)) (&& (< net45) (>= netstandard13) (< netstandard16) (< monoandroid) (< win8) (< wpa81)) (&& (< net45) (>= netstandard14) (< monotouch) (< xamarinios) (< xamarinmac) (< win8) (< wpa81)) (&& (>= dnxcore50) (>= netstandard11)) (&& (>= dnxcore50) (>= netstandard13)) (&& (>= dnxcore50) (>= netstandard14))
      Microsoft.NETCore.Platforms (>= 1.1)
      Microsoft.NETCore.Targets (>= 1.1)
    runtime.native.System.Net.Http (4.3) - restriction: && (>= netstandard16) (< monotouch) (< xamarinios) (< xamarinmac)
      Microsoft.NETCore.Platforms (>= 1.1)
      Microsoft.NETCore.Targets (>= 1.1)
    runtime.native.System.Net.Security (4.3) - restriction: && (>= netstandard16) (< monotouch) (< xamarinios) (< xamarinmac)
      Microsoft.NETCore.Platforms (>= 1.1)
      Microsoft.NETCore.Targets (>= 1.1)
    runtime.native.System.Security.Cryptography.Apple (4.3) - restriction: && (>= netstandard16) (< monotouch) (< xamarinios) (< xamarinmac)
      runtime.osx.10.10-x64.runtime.native.System.Security.Cryptography.Apple (>= 4.3)
    runtime.native.System.Security.Cryptography.OpenSsl (4.3.1) - restriction: || (&& (< net20) (>= netstandard13) (< monotouch) (< xamarinios) (< xamarinmac)) (&& (< net45) (>= netstandard13) (< netstandard16) (< monoandroid) (< win8) (< wpa81)) (&& (< net452) (>= netstandard14) (< monotouch) (< xamarinios) (< xamarinmac)) (&& (>= netstandard16) (< monotouch) (< xamarinios) (< xamarinmac))
      runtime.debian.8-x64.runtime.native.System.Security.Cryptography.OpenSsl (>= 4.3.1)
      runtime.fedora.23-x64.runtime.native.System.Security.Cryptography.OpenSsl (>= 4.3.1)
      runtime.fedora.24-x64.runtime.native.System.Security.Cryptography.OpenSsl (>= 4.3.1)
      runtime.opensuse.13.2-x64.runtime.native.System.Security.Cryptography.OpenSsl (>= 4.3.1)
      runtime.opensuse.42.1-x64.runtime.native.System.Security.Cryptography.OpenSsl (>= 4.3.1)
      runtime.osx.10.10-x64.runtime.native.System.Security.Cryptography.OpenSsl (>= 4.3.1)
      runtime.rhel.7-x64.runtime.native.System.Security.Cryptography.OpenSsl (>= 4.3.1)
      runtime.ubuntu.14.04-x64.runtime.native.System.Security.Cryptography.OpenSsl (>= 4.3.1)
      runtime.ubuntu.16.04-x64.runtime.native.System.Security.Cryptography.OpenSsl (>= 4.3.1)
      runtime.ubuntu.16.10-x64.runtime.native.System.Security.Cryptography.OpenSsl (>= 4.3.1)
    runtime.opensuse.13.2-x64.runtime.native.System.Security.Cryptography.OpenSsl (4.3.1) - restriction: || (&& (< net20) (>= netstandard13) (< monotouch) (< xamarinios) (< xamarinmac)) (&& (< net45) (>= netstandard13) (< netstandard16) (< monoandroid) (< win8) (< wpa81)) (&& (< net452) (>= netstandard14) (< monotouch) (< xamarinios) (< xamarinmac)) (&& (>= netstandard16) (< monotouch) (< xamarinios) (< xamarinmac))
    runtime.opensuse.42.1-x64.runtime.native.System.Security.Cryptography.OpenSsl (4.3.1) - restriction: || (&& (< net20) (>= netstandard13) (< monotouch) (< xamarinios) (< xamarinmac)) (&& (< net45) (>= netstandard13) (< netstandard16) (< monoandroid) (< win8) (< wpa81)) (&& (< net452) (>= netstandard14) (< monotouch) (< xamarinios) (< xamarinmac)) (&& (>= netstandard16) (< monotouch) (< xamarinios) (< xamarinmac))
    runtime.osx.10.10-x64.runtime.native.System.Security.Cryptography.Apple (4.3) - restriction: && (>= netstandard16) (< monotouch) (< xamarinios) (< xamarinmac)
    runtime.osx.10.10-x64.runtime.native.System.Security.Cryptography.OpenSsl (4.3.1) - restriction: || (&& (< net20) (>= netstandard13) (< monotouch) (< xamarinios) (< xamarinmac)) (&& (< net45) (>= netstandard13) (< netstandard16) (< monoandroid) (< win8) (< wpa81)) (&& (< net452) (>= netstandard14) (< monotouch) (< xamarinios) (< xamarinmac)) (&& (>= netstandard16) (< monotouch) (< xamarinios) (< xamarinmac))
    runtime.rhel.7-x64.runtime.native.System.Security.Cryptography.OpenSsl (4.3.1) - restriction: || (&& (< net20) (>= netstandard13) (< monotouch) (< xamarinios) (< xamarinmac)) (&& (< net45) (>= netstandard13) (< netstandard16) (< monoandroid) (< win8) (< wpa81)) (&& (< net452) (>= netstandard14) (< monotouch) (< xamarinios) (< xamarinmac)) (&& (>= netstandard16) (< monotouch) (< xamarinios) (< xamarinmac))
    runtime.ubuntu.14.04-x64.runtime.native.System.Security.Cryptography.OpenSsl (4.3.1) - restriction: || (&& (< net20) (>= netstandard13) (< monotouch) (< xamarinios) (< xamarinmac)) (&& (< net45) (>= netstandard13) (< netstandard16) (< monoandroid) (< win8) (< wpa81)) (&& (< net452) (>= netstandard14) (< monotouch) (< xamarinios) (< xamarinmac)) (&& (>= netstandard16) (< monotouch) (< xamarinios) (< xamarinmac))
    runtime.ubuntu.16.04-x64.runtime.native.System.Security.Cryptography.OpenSsl (4.3.1) - restriction: || (&& (< net20) (>= netstandard13) (< monotouch) (< xamarinios) (< xamarinmac)) (&& (< net45) (>= netstandard13) (< netstandard16) (< monoandroid) (< win8) (< wpa81)) (&& (< net452) (>= netstandard14) (< monotouch) (< xamarinios) (< xamarinmac)) (&& (>= netstandard16) (< monotouch) (< xamarinios) (< xamarinmac))
    runtime.ubuntu.16.10-x64.runtime.native.System.Security.Cryptography.OpenSsl (4.3.1) - restriction: || (&& (< net20) (>= netstandard13) (< monotouch) (< xamarinios) (< xamarinmac)) (&& (< net45) (>= netstandard13) (< netstandard16) (< monoandroid) (< win8) (< wpa81)) (&& (< net452) (>= netstandard14) (< monotouch) (< xamarinios) (< xamarinmac)) (&& (>= netstandard16) (< monotouch) (< xamarinios) (< xamarinmac))
    Suave (2.1.1)
      FSharp.Core (>= 4.0.0.1) - restriction: < netstandard16
      FSharp.Core (>= 4.1.17) - restriction: >= netstandard16
      NETStandard.Library (>= 1.6.1) - restriction: >= netstandard16
      System.Data.Common (>= 4.1) - restriction: >= netstandard16
      System.Diagnostics.Process (>= 4.1) - restriction: >= netstandard16
      System.Globalization.Extensions (>= 4.3) - restriction: >= netstandard16
      System.Net.Security (>= 4.0) - restriction: >= netstandard16
      System.Runtime.Serialization.Json (>= 4.0.2) - restriction: >= netstandard16
      System.Security.Claims (>= 4.0.1) - restriction: >= netstandard16
      System.Security.Cryptography.Primitives (>= 4.3) - restriction: >= netstandard16
    System.AppContext (4.3) - restriction: || (&& (< net20) (>= netstandard13)) (&& (< net452) (>= netstandard14))
      System.Runtime (>= 4.3) - restriction: || (&& (< net46) (>= netstandard13) (< netstandard16) (< monoandroid)) (>= dnxcore50) (&& (>= netstandard16) (< monotouch) (< xamarinios) (< xamarinmac))
    System.Buffers (4.3) - restriction: || (&& (< net20) (>= netstandard13) (< monotouch) (< xamarinios) (< xamarinmac)) (&& (< net45) (>= netstandard13) (< netstandard16) (< monoandroid) (< win8) (< wpa81)) (&& (< net45) (>= netstandard14) (< monotouch) (< xamarinios) (< xamarinmac) (< win8) (< wpa81)) (&& (< net452) (>= netstandard14) (< monotouch) (< xamarinios) (< xamarinmac)) (&& (>= dnxcore50) (>= netstandard11)) (&& (>= dnxcore50) (>= netstandard13)) (&& (>= dnxcore50) (>= netstandard14))
      System.Diagnostics.Debug (>= 4.3) - restriction: && (< net45) (>= netstandard11) (< monotouch) (< xamarinios) (< xamarinmac) (< win8) (< wpa81)
      System.Diagnostics.Tracing (>= 4.3) - restriction: && (< net45) (>= netstandard11) (< monotouch) (< xamarinios) (< xamarinmac) (< win8) (< wpa81)
      System.Resources.ResourceManager (>= 4.3) - restriction: && (< net45) (>= netstandard11) (< monotouch) (< xamarinios) (< xamarinmac) (< win8) (< wpa81)
      System.Runtime (>= 4.3) - restriction: && (< net45) (>= netstandard11) (< monotouch) (< xamarinios) (< xamarinmac) (< win8) (< wpa81)
      System.Threading (>= 4.3) - restriction: && (< net45) (>= netstandard11) (< monotouch) (< xamarinios) (< xamarinmac) (< win8) (< wpa81)
    System.Collections (4.3) - restriction: || (&& (< net20) (>= netstandard10) (< netstandard13)) (&& (< net20) (>= netstandard13)) (&& (< net20) (< netstandard13) (>= netstandard15)) (&& (< net20) (>= netstandard14) (< monotouch) (< xamarinios) (< xamarinmac)) (&& (< net20) (>= netstandard15) (< monotouch) (< xamarinios) (< xamarinmac)) (&& (< net45) (>= netstandard13) (< monoandroid) (< win8) (< wpa81)) (&& (< net45) (>= netstandard14) (< monoandroid) (< win8) (< wpa81)) (&& (< net45) (>= netstandard14) (< monotouch) (< xamarinios) (< xamarinmac) (< win8) (< wpa81)) (&& (< net452) (>= netstandard14)) (&& (< net452) (>= netstandard15)) (>= dnxcore50) (>= netstandard16)
      Microsoft.NETCore.Platforms (>= 1.1) - restriction: || (&& (< net45) (>= netstandard10) (< netstandard13) (< monoandroid) (< win8) (< wp8) (< wpa81)) (&& (< net45) (>= netstandard13) (< monotouch) (< xamarinios) (< xamarinmac) (< win8) (< wpa81)) (>= dnxcore50)
      Microsoft.NETCore.Targets (>= 1.1) - restriction: || (&& (< net45) (>= netstandard10) (< netstandard13) (< monoandroid) (< win8) (< wp8) (< wpa81)) (&& (< net45) (>= netstandard13) (< monotouch) (< xamarinios) (< xamarinmac) (< win8) (< wpa81)) (>= dnxcore50)
      System.Runtime (>= 4.3) - restriction: || (&& (< net45) (>= netstandard10) (< netstandard13) (< monoandroid) (< win8) (< wp8) (< wpa81)) (&& (< net45) (>= netstandard13) (< monotouch) (< xamarinios) (< xamarinmac) (< win8) (< wpa81)) (>= dnxcore50)
    System.Collections.Concurrent (4.3) - restriction: || (&& (< net20) (>= netstandard11) (< netstandard13)) (&& (< net20) (>= netstandard13)) (&& (< net45) (>= netstandard13) (< netstandard16) (< monoandroid) (< win8) (< wpa81)) (&& (< net45) (>= netstandard14) (< monotouch) (< xamarinios) (< xamarinmac) (< win8) (< wpa81)) (&& (< net452) (>= netstandard14)) (&& (< net452) (>= netstandard15)) (&& (>= dnxcore50) (>= netstandard14)) (&& (>= dnxcore50) (>= netstandard16)) (&& (< netstandard13) (>= netstandard16) (< monoandroid)) (&& (>= netstandard16) (< monotouch) (< xamarinios) (< xamarinmac))
      System.Collections (>= 4.3) - restriction: || (&& (< net45) (>= netstandard13) (< monotouch) (< xamarinios) (< xamarinmac) (< win8) (< wpa81)) (>= dnxcore50)
      System.Diagnostics.Debug (>= 4.3) - restriction: || (&& (< net45) (>= netstandard13) (< monotouch) (< xamarinios) (< xamarinmac) (< win8) (< wpa81)) (>= dnxcore50)
      System.Diagnostics.Tracing (>= 4.3) - restriction: || (&& (< net45) (>= netstandard13) (< monotouch) (< xamarinios) (< xamarinmac) (< win8) (< wpa81)) (>= dnxcore50)
      System.Globalization (>= 4.3) - restriction: || (&& (< net45) (>= netstandard13) (< monotouch) (< xamarinios) (< xamarinmac) (< win8) (< wpa81)) (>= dnxcore50)
      System.Reflection (>= 4.3) - restriction: && (< net45) (>= netstandard13) (< monotouch) (< xamarinios) (< xamarinmac) (< win8) (< wpa81)
      System.Resources.ResourceManager (>= 4.3) - restriction: || (&& (< net45) (>= netstandard13) (< monotouch) (< xamarinios) (< xamarinmac) (< win8) (< wpa81)) (>= dnxcore50)
      System.Runtime (>= 4.3) - restriction: || (&& (< net45) (>= netstandard11) (< netstandard13) (< monoandroid) (< win8) (< wpa81)) (&& (< net45) (>= netstandard13) (< monotouch) (< xamarinios) (< xamarinmac) (< win8) (< wpa81)) (>= dnxcore50)
      System.Runtime.Extensions (>= 4.3) - restriction: || (&& (< net45) (>= netstandard13) (< monotouch) (< xamarinios) (< xamarinmac) (< win8) (< wpa81)) (>= dnxcore50)
      System.Threading (>= 4.3) - restriction: || (&& (< net45) (>= netstandard13) (< monotouch) (< xamarinios) (< xamarinmac) (< win8) (< wpa81)) (>= dnxcore50)
      System.Threading.Tasks (>= 4.3) - restriction: || (&& (< net45) (>= netstandard11) (< netstandard13) (< monoandroid) (< win8) (< wpa81)) (&& (< net45) (>= netstandard13) (< monotouch) (< xamarinios) (< xamarinmac) (< win8) (< wpa81)) (>= dnxcore50)
    System.Collections.NonGeneric (4.3) - restriction: || (&& (< net20) (>= net462)) (&& (< net20) (< netstandard13) (>= netstandard15)) (&& (< net20) (>= netstandard15) (< monotouch) (< xamarinios) (< xamarinmac))
      System.Diagnostics.Debug (>= 4.3) - restriction: && (< net46) (>= netstandard13) (< monotouch) (< xamarinios) (< xamarinmac)
      System.Globalization (>= 4.3) - restriction: && (< net46) (>= netstandard13) (< monotouch) (< xamarinios) (< xamarinmac)
      System.Resources.ResourceManager (>= 4.3) - restriction: && (< net46) (>= netstandard13) (< monotouch) (< xamarinios) (< xamarinmac)
      System.Runtime (>= 4.3) - restriction: && (< net46) (>= netstandard13) (< monotouch) (< xamarinios) (< xamarinmac)
      System.Runtime.Extensions (>= 4.3) - restriction: && (< net46) (>= netstandard13) (< monotouch) (< xamarinios) (< xamarinmac)
      System.Threading (>= 4.3) - restriction: && (< net46) (>= netstandard13) (< monotouch) (< xamarinios) (< xamarinmac)
    System.Collections.Specialized (4.3) - restriction: || (&& (< net20) (< netstandard13) (>= netstandard15)) (&& (< net20) (>= netstandard15) (< monotouch) (< xamarinios) (< xamarinmac))
      System.Collections.NonGeneric (>= 4.3) - restriction: && (< net46) (>= netstandard13) (< monotouch) (< xamarinios) (< xamarinmac)
      System.Globalization (>= 4.3) - restriction: && (< net46) (>= netstandard13) (< monotouch) (< xamarinios) (< xamarinmac)
      System.Globalization.Extensions (>= 4.3) - restriction: && (< net46) (>= netstandard13) (< monotouch) (< xamarinios) (< xamarinmac)
      System.Resources.ResourceManager (>= 4.3) - restriction: && (< net46) (>= netstandard13) (< monotouch) (< xamarinios) (< xamarinmac)
      System.Runtime (>= 4.3) - restriction: && (< net46) (>= netstandard13) (< monotouch) (< xamarinios) (< xamarinmac)
      System.Runtime.Extensions (>= 4.3) - restriction: && (< net46) (>= netstandard13) (< monotouch) (< xamarinios) (< xamarinmac)
      System.Threading (>= 4.3) - restriction: && (< net46) (>= netstandard13) (< monotouch) (< xamarinios) (< xamarinmac)
    System.ComponentModel (4.3) - restriction: || (&& (< net20) (>= netstandard10) (< netstandard13) (< monoandroid) (< win8) (< wp8) (< wpa81)) (&& (< net20) (>= netstandard13) (< netstandard15) (< monoandroid) (< win8) (< wpa81)) (&& (< net20) (< netstandard13) (>= netstandard15)) (&& (< net20) (>= netstandard15) (< monotouch) (< xamarinios) (< xamarinmac))
      System.Runtime (>= 4.3) - restriction: || (&& (< net45) (>= netstandard10) (< netstandard13) (< monoandroid) (< win8) (< wp8) (< wpa81)) (&& (< net45) (>= netstandard13) (< monotouch) (< xamarinios) (< xamarinmac) (< win8) (< wpa81)) (>= dnxcore50)
    System.ComponentModel.EventBasedAsync (4.3) - restriction: >= net45
    System.ComponentModel.Primitives (4.3) - restriction: || (&& (< net20) (>= net45) (>= netstandard13) (< netstandard15)) (&& (< net20) (>= net45) (< netstandard13)) (&& (< net20) (>= net462)) (&& (< net20) (>= netstandard10) (< netstandard13) (< monoandroid) (< win8)) (&& (< net20) (>= netstandard13) (< netstandard15) (< monoandroid) (< win8)) (&& (< net20) (< netstandard13) (>= netstandard15)) (&& (< net20) (>= netstandard15) (< monotouch) (< xamarinios) (< xamarinmac)) (&& (< netstandard10) (>= netstandard13) (>= win8)) (&& (>= netstandard13) (>= wpa81)) (&& (< netstandard13) (>= wpa81)) (>= wp8)
      System.ComponentModel (>= 4.3) - restriction: && (< net45) (>= netstandard10) (< monotouch) (< xamarinios) (< xamarinmac) (< win8) (< wp8) (< wpa81)
      System.Resources.ResourceManager (>= 4.3) - restriction: && (< net45) (>= netstandard10) (< monotouch) (< xamarinios) (< xamarinmac) (< win8) (< wp8) (< wpa81)
      System.Runtime (>= 4.3) - restriction: && (< net45) (>= netstandard10) (< monotouch) (< xamarinios) (< xamarinmac) (< win8) (< wp8) (< wpa81)
    System.ComponentModel.TypeConverter (4.3) - restriction: || (&& (< net20) (>= netstandard10) (< netstandard13)) (&& (< net20) (>= netstandard13))
      System.Collections (>= 4.3) - restriction: || (&& (< net45) (>= netstandard10) (< netstandard15) (< monoandroid) (< win8) (< wp8) (< wpa81)) (&& (< net45) (>= netstandard15) (< monotouch) (< xamarinios) (< xamarinmac))
      System.Collections.NonGeneric (>= 4.3) - restriction: || (&& (< net45) (>= netstandard15) (< monotouch) (< xamarinios) (< xamarinmac)) (>= net462)
      System.Collections.Specialized (>= 4.3) - restriction: && (< net45) (>= netstandard15) (< monotouch) (< xamarinios) (< xamarinmac)
      System.ComponentModel (>= 4.3) - restriction: || (&& (< net45) (>= netstandard10) (< netstandard15) (< monoandroid) (< win8) (< wp8) (< wpa81)) (&& (< net45) (>= netstandard15) (< monotouch) (< xamarinios) (< xamarinmac))
      System.ComponentModel.Primitives (>= 4.3) - restriction: || (&& (>= net45) (< netstandard15)) (&& (< net45) (>= netstandard10) (< netstandard15) (< monoandroid) (< win8)) (&& (< net45) (>= netstandard15) (< monotouch) (< xamarinios) (< xamarinmac)) (>= net462) (&& (< netstandard10) (>= win8)) (>= wp8) (>= wpa81)
      System.Globalization (>= 4.3) - restriction: || (&& (< net45) (>= netstandard10) (< netstandard15) (< monoandroid) (< win8) (< wp8) (< wpa81)) (&& (< net45) (>= netstandard15) (< monotouch) (< xamarinios) (< xamarinmac))
      System.Linq (>= 4.3) - restriction: && (< net45) (>= netstandard15) (< monotouch) (< xamarinios) (< xamarinmac)
      System.Reflection (>= 4.3) - restriction: || (&& (< net45) (>= netstandard10) (< netstandard15) (< monoandroid) (< win8) (< wp8) (< wpa81)) (&& (< net45) (>= netstandard15) (< monotouch) (< xamarinios) (< xamarinmac))
      System.Reflection.Extensions (>= 4.3) - restriction: || (&& (< net45) (>= netstandard10) (< netstandard15) (< monoandroid) (< win8) (< wp8) (< wpa81)) (&& (< net45) (>= netstandard15) (< monotouch) (< xamarinios) (< xamarinmac))
      System.Reflection.Primitives (>= 4.3) - restriction: || (&& (< net45) (>= netstandard10) (< netstandard15) (< monoandroid) (< win8) (< wp8) (< wpa81)) (&& (< net45) (>= netstandard15) (< monotouch) (< xamarinios) (< xamarinmac))
      System.Reflection.TypeExtensions (>= 4.3) - restriction: && (< net45) (>= netstandard15) (< monotouch) (< xamarinios) (< xamarinmac)
      System.Resources.ResourceManager (>= 4.3) - restriction: || (&& (< net45) (>= netstandard10) (< netstandard15) (< monoandroid) (< win8) (< wp8) (< wpa81)) (&& (< net45) (>= netstandard15) (< monotouch) (< xamarinios) (< xamarinmac))
      System.Runtime (>= 4.3) - restriction: || (&& (< net45) (>= netstandard10) (< netstandard15) (< monoandroid) (< win8) (< wp8) (< wpa81)) (&& (< net45) (>= netstandard15) (< monotouch) (< xamarinios) (< xamarinmac))
      System.Runtime.Extensions (>= 4.3) - restriction: || (&& (< net45) (>= netstandard10) (< netstandard15) (< monoandroid) (< win8) (< wp8) (< wpa81)) (&& (< net45) (>= netstandard15) (< monotouch) (< xamarinios) (< xamarinmac))
      System.Threading (>= 4.3) - restriction: || (&& (< net45) (>= netstandard10) (< netstandard15) (< monoandroid) (< win8) (< wp8) (< wpa81)) (&& (< net45) (>= netstandard15) (< monotouch) (< xamarinios) (< xamarinmac))
    System.Console (4.3) - restriction: || (&& (< net20) (>= netstandard13)) (&& (< net452) (>= netstandard14)) (>= netstandard16)
      Microsoft.NETCore.Platforms (>= 1.1) - restriction: && (< net46) (>= netstandard13) (< monotouch) (< xamarinios) (< xamarinmac)
      Microsoft.NETCore.Targets (>= 1.1) - restriction: && (< net46) (>= netstandard13) (< monotouch) (< xamarinios) (< xamarinmac)
      System.IO (>= 4.3) - restriction: && (< net46) (>= netstandard13) (< monotouch) (< xamarinios) (< xamarinmac)
      System.Runtime (>= 4.3) - restriction: && (< net46) (>= netstandard13) (< monotouch) (< xamarinios) (< xamarinmac)
      System.Text.Encoding (>= 4.3) - restriction: && (< net46) (>= netstandard13) (< monotouch) (< xamarinios) (< xamarinmac)
    System.Data.Common (4.3) - restriction: >= netstandard16
      System.Collections (>= 4.3) - restriction: && (< net451) (>= netstandard12) (< monotouch) (< xamarinios) (< xamarinmac) (< win81) (< wpa81)
      System.Globalization (>= 4.3) - restriction: && (< net451) (>= netstandard12) (< monotouch) (< xamarinios) (< xamarinmac) (< win81) (< wpa81)
      System.IO (>= 4.3) - restriction: && (< net451) (>= netstandard12) (< monotouch) (< xamarinios) (< xamarinmac) (< win81) (< wpa81)
      System.Resources.ResourceManager (>= 4.3) - restriction: && (< net451) (>= netstandard12) (< monotouch) (< xamarinios) (< xamarinmac) (< win81) (< wpa81)
      System.Runtime (>= 4.3) - restriction: && (< net451) (>= netstandard12) (< monotouch) (< xamarinios) (< xamarinmac) (< win81) (< wpa81)
      System.Runtime.Extensions (>= 4.3) - restriction: && (< net451) (>= netstandard12) (< monotouch) (< xamarinios) (< xamarinmac) (< win81) (< wpa81)
      System.Text.RegularExpressions (>= 4.3) - restriction: && (< net451) (>= netstandard12) (< monotouch) (< xamarinios) (< xamarinmac) (< win81) (< wpa81)
      System.Threading.Tasks (>= 4.3) - restriction: && (< net451) (>= netstandard12) (< monotouch) (< xamarinios) (< xamarinmac) (< win81) (< wpa81)
    System.Diagnostics.Debug (4.3) - restriction: || (&& (< net20) (>= net462)) (&& (< net20) (>= netstandard10) (< netstandard13)) (&& (< net20) (>= netstandard13)) (&& (< net20) (< netstandard13) (>= netstandard15)) (&& (< net20) (>= netstandard15) (< monotouch) (< xamarinios) (< xamarinmac)) (&& (< net45) (>= netstandard13) (< monoandroid) (< win8) (< wpa81)) (&& (< net45) (>= netstandard14) (< monotouch) (< xamarinios) (< xamarinmac) (< win8) (< wpa81)) (&& (< net452) (>= netstandard14)) (>= dnxcore50) (>= netstandard16)
      Microsoft.NETCore.Platforms (>= 1.1) - restriction: || (&& (< net45) (>= netstandard10) (< netstandard13) (< monoandroid) (< win8) (< wp8) (< wpa81)) (&& (< net45) (>= netstandard13) (< monotouch) (< xamarinios) (< xamarinmac) (< win8) (< wpa81)) (>= dnxcore50)
      Microsoft.NETCore.Targets (>= 1.1) - restriction: || (&& (< net45) (>= netstandard10) (< netstandard13) (< monoandroid) (< win8) (< wp8) (< wpa81)) (&& (< net45) (>= netstandard13) (< monotouch) (< xamarinios) (< xamarinmac) (< win8) (< wpa81)) (>= dnxcore50)
      System.Runtime (>= 4.3) - restriction: || (&& (< net45) (>= netstandard10) (< netstandard13) (< monoandroid) (< win8) (< wp8) (< wpa81)) (&& (< net45) (>= netstandard13) (< monotouch) (< xamarinios) (< xamarinmac) (< win8) (< wpa81)) (>= dnxcore50)
    System.Diagnostics.DiagnosticSource (4.3.1) - restriction: || (&& (< net45) (>= netstandard13) (< netstandard16) (< monoandroid) (< win8) (< wpa81)) (>= dnxcore50) (&& (>= netstandard16) (< monotouch) (< xamarinios) (< xamarinmac))
      System.Collections (>= 4.3) - restriction: || (&& (< net45) (>= netstandard11) (< netstandard13) (< monoandroid) (< win8) (< wpa81)) (&& (< net45) (>= netstandard13) (< monotouch) (< xamarinios) (< xamarinmac) (< win8) (< wpa81))
      System.Diagnostics.Tracing (>= 4.3) - restriction: || (&& (< net45) (>= netstandard11) (< netstandard13) (< monoandroid) (< win8) (< wpa81)) (&& (< net45) (>= netstandard13) (< monotouch) (< xamarinios) (< xamarinmac) (< win8) (< wpa81))
      System.Reflection (>= 4.3) - restriction: || (&& (< net45) (>= netstandard11) (< netstandard13) (< monoandroid) (< win8) (< wpa81)) (&& (< net45) (>= netstandard13) (< monotouch) (< xamarinios) (< xamarinmac) (< win8) (< wpa81))
      System.Runtime (>= 4.3) - restriction: || (&& (< net45) (>= netstandard11) (< netstandard13) (< monoandroid) (< win8) (< wpa81)) (&& (< net45) (>= netstandard13) (< monotouch) (< xamarinios) (< xamarinmac) (< win8) (< wpa81))
      System.Threading (>= 4.3) - restriction: || (&& (< net45) (>= netstandard11) (< netstandard13) (< monoandroid) (< win8) (< wpa81)) (&& (< net45) (>= netstandard13) (< monotouch) (< xamarinios) (< xamarinmac) (< win8) (< wpa81))
    System.Diagnostics.Process (4.3) - restriction: >= netstandard16
      Microsoft.NETCore.Platforms (>= 1.1) - restriction: && (< net46) (>= netstandard14) (< monotouch) (< xamarinios) (< xamarinmac)
      Microsoft.Win32.Primitives (>= 4.3) - restriction: && (< net46) (>= netstandard14) (< monotouch) (< xamarinios) (< xamarinmac)
      Microsoft.Win32.Registry (>= 4.3) - restriction: && (< net46) (>= netstandard14) (< monotouch) (< xamarinios) (< xamarinmac)
      runtime.native.System (>= 4.3) - restriction: && (< net46) (>= netstandard14) (< monotouch) (< xamarinios) (< xamarinmac)
      System.Collections (>= 4.3) - restriction: && (< net46) (>= netstandard14) (< monotouch) (< xamarinios) (< xamarinmac)
      System.Diagnostics.Debug (>= 4.3) - restriction: && (< net46) (>= netstandard14) (< monotouch) (< xamarinios) (< xamarinmac)
      System.Globalization (>= 4.3) - restriction: && (< net46) (>= netstandard14) (< monotouch) (< xamarinios) (< xamarinmac)
      System.IO (>= 4.3) - restriction: || (&& (< net46) (>= netstandard13) (< netstandard14) (< monoandroid)) (&& (< net46) (>= netstandard14) (< monotouch) (< xamarinios) (< xamarinmac))
      System.IO.FileSystem (>= 4.3) - restriction: && (< net46) (>= netstandard14) (< monotouch) (< xamarinios) (< xamarinmac)
      System.IO.FileSystem.Primitives (>= 4.3) - restriction: && (< net46) (>= netstandard14) (< monotouch) (< xamarinios) (< xamarinmac)
      System.Resources.ResourceManager (>= 4.3) - restriction: && (< net46) (>= netstandard14) (< monotouch) (< xamarinios) (< xamarinmac)
      System.Runtime (>= 4.3) - restriction: || (&& (< net46) (>= netstandard13) (< netstandard14) (< monoandroid)) (&& (< net46) (>= netstandard14) (< monotouch) (< xamarinios) (< xamarinmac))
      System.Runtime.Extensions (>= 4.3) - restriction: && (< net46) (>= netstandard14) (< monotouch) (< xamarinios) (< xamarinmac)
      System.Runtime.Handles (>= 4.3) - restriction: || (&& (< net46) (>= netstandard13) (< netstandard14) (< monoandroid)) (&& (< net46) (>= netstandard14) (< monotouch) (< xamarinios) (< xamarinmac))
      System.Runtime.InteropServices (>= 4.3) - restriction: && (< net46) (>= netstandard14) (< monotouch) (< xamarinios) (< xamarinmac)
      System.Text.Encoding (>= 4.3) - restriction: || (&& (< net46) (>= netstandard13) (< netstandard14) (< monoandroid)) (&& (< net46) (>= netstandard14) (< monotouch) (< xamarinios) (< xamarinmac))
      System.Text.Encoding.Extensions (>= 4.3) - restriction: && (< net46) (>= netstandard14) (< monotouch) (< xamarinios) (< xamarinmac)
      System.Threading (>= 4.3) - restriction: && (< net46) (>= netstandard14) (< monotouch) (< xamarinios) (< xamarinmac)
      System.Threading.Tasks (>= 4.3) - restriction: && (< net46) (>= netstandard14) (< monotouch) (< xamarinios) (< xamarinmac)
      System.Threading.Thread (>= 4.3) - restriction: && (< net46) (>= netstandard14) (< monotouch) (< xamarinios) (< xamarinmac)
      System.Threading.ThreadPool (>= 4.3) - restriction: && (< net46) (>= netstandard14) (< monotouch) (< xamarinios) (< xamarinmac)
    System.Diagnostics.Tools (4.3) - restriction: || (&& (< net20) (>= netstandard10) (< netstandard13)) (&& (< net20) (>= netstandard13)) (&& (< net45) (>= netstandard14) (< monotouch) (< xamarinios) (< xamarinmac) (< win8) (< wpa81)) (&& (< net452) (>= netstandard14)) (&& (>= dnxcore50) (>= netstandard10)) (&& (>= dnxcore50) (>= netstandard13)) (&& (>= dnxcore50) (>= netstandard14)) (>= netstandard16)
      Microsoft.NETCore.Platforms (>= 1.1) - restriction: || (&& (< net45) (>= netstandard10) (< monotouch) (< xamarinios) (< xamarinmac) (< win8) (< wp8) (< wpa81)) (>= dnxcore50)
      Microsoft.NETCore.Targets (>= 1.1) - restriction: || (&& (< net45) (>= netstandard10) (< monotouch) (< xamarinios) (< xamarinmac) (< win8) (< wp8) (< wpa81)) (>= dnxcore50)
      System.Runtime (>= 4.3) - restriction: || (&& (< net45) (>= netstandard10) (< monotouch) (< xamarinios) (< xamarinmac) (< win8) (< wp8) (< wpa81)) (>= dnxcore50)
    System.Diagnostics.Tracing (4.3) - restriction: || (&& (< net20) (>= netstandard11) (< netstandard13)) (&& (< net20) (>= netstandard13)) (&& (< net45) (>= netstandard13) (< netstandard16) (< monoandroid) (< win8) (< wpa81)) (&& (< net452) (>= netstandard14)) (>= dnxcore50) (&& (< netstandard13) (>= netstandard16) (< monoandroid)) (&& (>= netstandard16) (< monotouch) (< xamarinios) (< xamarinmac))
      Microsoft.NETCore.Platforms (>= 1.1) - restriction: || (&& (< net45) (>= netstandard11) (< netstandard12) (< monoandroid) (< win8)) (&& (< net45) (>= netstandard12) (< netstandard13) (< monoandroid) (< win8) (< wpa81)) (&& (< net45) (>= netstandard13) (< netstandard15) (< monoandroid) (< win8) (< wpa81)) (&& (< net45) (>= netstandard15) (< monotouch) (< xamarinios) (< xamarinmac)) (>= dnxcore50)
      Microsoft.NETCore.Targets (>= 1.1) - restriction: || (&& (< net45) (>= netstandard11) (< netstandard12) (< monoandroid) (< win8)) (&& (< net45) (>= netstandard12) (< netstandard13) (< monoandroid) (< win8) (< wpa81)) (&& (< net45) (>= netstandard13) (< netstandard15) (< monoandroid) (< win8) (< wpa81)) (&& (< net45) (>= netstandard15) (< monotouch) (< xamarinios) (< xamarinmac)) (>= dnxcore50)
      System.Runtime (>= 4.3) - restriction: || (&& (< net45) (>= netstandard11) (< netstandard12) (< monoandroid) (< win8)) (&& (< net45) (>= netstandard12) (< netstandard13) (< monoandroid) (< win8) (< wpa81)) (&& (< net45) (>= netstandard13) (< netstandard15) (< monoandroid) (< win8) (< wpa81)) (&& (< net45) (>= netstandard15) (< monotouch) (< xamarinios) (< xamarinmac)) (>= dnxcore50)
    System.Dynamic.Runtime (4.3) - restriction: || (&& (< net20) (>= netstandard10) (< netstandard13) (< monoandroid) (< win8) (< wp8) (< wpa81)) (&& (< net20) (>= netstandard13) (< monotouch) (< xamarinios) (< xamarinmac) (< win8) (< wpa81)) (>= net45) (&& (>= dnxcore50) (>= netstandard10)) (&& (>= dnxcore50) (>= netstandard13))
      System.Collections (>= 4.3) - restriction: || (&& (< net45) (>= netstandard13) (< monotouch) (< xamarinios) (< xamarinmac) (< win8) (< wpa81)) (>= dnxcore50)
      System.Diagnostics.Debug (>= 4.3) - restriction: || (&& (< net45) (>= netstandard13) (< monotouch) (< xamarinios) (< xamarinmac) (< win8) (< wpa81)) (>= dnxcore50)
      System.Linq (>= 4.3) - restriction: || (&& (< net45) (>= netstandard13) (< monotouch) (< xamarinios) (< xamarinmac) (< win8) (< wpa81)) (>= dnxcore50)
      System.Linq.Expressions (>= 4.3) - restriction: || (&& (< net45) (>= netstandard10) (< netstandard13) (< monoandroid) (< win8) (< wp8) (< wpa81)) (&& (< net45) (>= netstandard13) (< monotouch) (< xamarinios) (< xamarinmac) (< win8) (< wpa81)) (>= dnxcore50)
      System.ObjectModel (>= 4.3) - restriction: || (&& (< net45) (>= netstandard10) (< netstandard13) (< monoandroid) (< win8) (< wp8) (< wpa81)) (&& (< net45) (>= netstandard13) (< monotouch) (< xamarinios) (< xamarinmac) (< win8) (< wpa81)) (>= dnxcore50)
      System.Reflection (>= 4.3) - restriction: || (&& (< net45) (>= netstandard10) (< netstandard13) (< monoandroid) (< win8) (< wp8) (< wpa81)) (&& (< net45) (>= netstandard13) (< monotouch) (< xamarinios) (< xamarinmac) (< win8) (< wpa81)) (>= dnxcore50)
      System.Reflection.Emit (>= 4.3) - restriction: && (< net45) (>= netstandard13) (< monotouch) (< xamarinios) (< xamarinmac) (< win8) (< wpa81)
      System.Reflection.Emit.ILGeneration (>= 4.3) - restriction: && (< net45) (>= netstandard13) (< monotouch) (< xamarinios) (< xamarinmac) (< win8) (< wpa81)
      System.Reflection.Primitives (>= 4.3) - restriction: && (< net45) (>= netstandard13) (< monotouch) (< xamarinios) (< xamarinmac) (< win8) (< wpa81)
      System.Reflection.TypeExtensions (>= 4.3) - restriction: || (&& (< net45) (>= netstandard13) (< monotouch) (< xamarinios) (< xamarinmac) (< win8) (< wpa81)) (>= dnxcore50)
      System.Resources.ResourceManager (>= 4.3) - restriction: || (&& (< net45) (>= netstandard13) (< monotouch) (< xamarinios) (< xamarinmac) (< win8) (< wpa81)) (>= dnxcore50)
      System.Runtime (>= 4.3) - restriction: || (&& (< net45) (>= netstandard10) (< netstandard13) (< monoandroid) (< win8) (< wp8) (< wpa81)) (&& (< net45) (>= netstandard13) (< monotouch) (< xamarinios) (< xamarinmac) (< win8) (< wpa81)) (>= dnxcore50)
      System.Runtime.Extensions (>= 4.3) - restriction: || (&& (< net45) (>= netstandard13) (< monotouch) (< xamarinios) (< xamarinmac) (< win8) (< wpa81)) (>= dnxcore50)
      System.Threading (>= 4.3) - restriction: || (&& (< net45) (>= netstandard13) (< monotouch) (< xamarinios) (< xamarinmac) (< win8) (< wpa81)) (>= dnxcore50)
    System.Globalization (4.3) - restriction: || (&& (< net20) (>= net462)) (&& (< net20) (>= netstandard10) (< netstandard13)) (&& (< net20) (>= netstandard13)) (&& (< net20) (< netstandard13) (>= netstandard15)) (&& (< net20) (>= netstandard15) (< monotouch) (< xamarinios) (< xamarinmac)) (&& (< net45) (>= netstandard13) (< monoandroid) (< win8) (< wpa81)) (&& (< net45) (>= netstandard14) (< monotouch) (< xamarinios) (< xamarinmac) (< win8) (< wpa81)) (&& (< net452) (>= netstandard14)) (>= dnxcore50) (>= netstandard16)
      Microsoft.NETCore.Platforms (>= 1.1) - restriction: || (&& (< net45) (>= netstandard10) (< netstandard13) (< monoandroid) (< win8) (< wp8) (< wpa81)) (&& (< net45) (>= netstandard13) (< monotouch) (< xamarinios) (< xamarinmac) (< win8) (< wpa81)) (>= dnxcore50)
      Microsoft.NETCore.Targets (>= 1.1) - restriction: || (&& (< net45) (>= netstandard10) (< netstandard13) (< monoandroid) (< win8) (< wp8) (< wpa81)) (&& (< net45) (>= netstandard13) (< monotouch) (< xamarinios) (< xamarinmac) (< win8) (< wpa81)) (>= dnxcore50)
      System.Runtime (>= 4.3) - restriction: || (&& (< net45) (>= netstandard10) (< netstandard13) (< monoandroid) (< win8) (< wp8) (< wpa81)) (&& (< net45) (>= netstandard13) (< monotouch) (< xamarinios) (< xamarinmac) (< win8) (< wpa81)) (>= dnxcore50)
    System.Globalization.Calendars (4.3) - restriction: || (&& (< net20) (>= netstandard13)) (&& (< net452) (>= netstandard14)) (&& (>= net46) (>= netstandard16)) (>= dnxcore50) (&& (>= netstandard16) (< monotouch) (< xamarinios) (< xamarinmac))
      Microsoft.NETCore.Platforms (>= 1.1) - restriction: && (< net46) (>= netstandard13) (< monotouch) (< xamarinios) (< xamarinmac)
      Microsoft.NETCore.Targets (>= 1.1) - restriction: && (< net46) (>= netstandard13) (< monotouch) (< xamarinios) (< xamarinmac)
      System.Globalization (>= 4.3) - restriction: && (< net46) (>= netstandard13) (< monotouch) (< xamarinios) (< xamarinmac)
      System.Runtime (>= 4.3) - restriction: && (< net46) (>= netstandard13) (< monotouch) (< xamarinios) (< xamarinmac)
    System.Globalization.Extensions (4.3) - restriction: || (&& (< net20) (< netstandard13) (>= netstandard15)) (&& (< net20) (>= netstandard15) (< monotouch) (< xamarinios) (< xamarinmac)) (>= netstandard16)
      Microsoft.NETCore.Platforms (>= 1.1) - restriction: && (< net46) (>= netstandard13) (< monotouch) (< xamarinios) (< xamarinmac)
      System.Globalization (>= 4.3) - restriction: && (< net46) (>= netstandard13) (< monotouch) (< xamarinios) (< xamarinmac)
      System.Resources.ResourceManager (>= 4.3) - restriction: && (< net46) (>= netstandard13) (< monotouch) (< xamarinios) (< xamarinmac)
      System.Runtime (>= 4.3) - restriction: && (< net46) (>= netstandard13) (< monotouch) (< xamarinios) (< xamarinmac)
      System.Runtime.Extensions (>= 4.3) - restriction: && (< net46) (>= netstandard13) (< monotouch) (< xamarinios) (< xamarinmac)
      System.Runtime.InteropServices (>= 4.3) - restriction: && (< net46) (>= netstandard13) (< monotouch) (< xamarinios) (< xamarinmac)
    System.IO (4.3) - restriction: || (&& (< net20) (>= netstandard10) (< netstandard13)) (&& (< net20) (>= netstandard13)) (&& (< net20) (< netstandard13) (>= netstandard15)) (&& (< net20) (>= netstandard14) (< monoandroid)) (&& (< net20) (>= netstandard15) (< monotouch) (< xamarinios) (< xamarinmac)) (&& (< net45) (>= netstandard11) (< netstandard13) (< monoandroid) (< win8) (< wpa81)) (&& (< net45) (>= netstandard13) (< monoandroid) (< win8) (< wpa81)) (&& (< net45) (>= netstandard14) (< monoandroid) (< win8) (< wpa81)) (&& (< net45) (>= netstandard14) (< monotouch) (< xamarinios) (< xamarinmac) (< win8) (< wpa81)) (&& (< net45) (>= netstandard15) (< monotouch) (< xamarinios) (< xamarinmac)) (&& (< net452) (>= netstandard14)) (&& (< net46) (>= net461)) (>= net463) (>= dnxcore50) (>= netstandard16)
      Microsoft.NETCore.Platforms (>= 1.1) - restriction: || (&& (< net45) (>= netstandard10) (< netstandard13) (< monoandroid) (< win8) (< wp8) (< wpa81)) (&& (< net45) (>= netstandard13) (< netstandard15) (< monoandroid) (< win8) (< wpa81)) (&& (< net45) (>= netstandard15) (< monotouch) (< xamarinios) (< xamarinmac)) (>= dnxcore50)
      Microsoft.NETCore.Targets (>= 1.1) - restriction: || (&& (< net45) (>= netstandard10) (< netstandard13) (< monoandroid) (< win8) (< wp8) (< wpa81)) (&& (< net45) (>= netstandard13) (< netstandard15) (< monoandroid) (< win8) (< wpa81)) (&& (< net45) (>= netstandard15) (< monotouch) (< xamarinios) (< xamarinmac)) (>= dnxcore50)
      System.Runtime (>= 4.3) - restriction: || (&& (< net45) (>= netstandard10) (< netstandard13) (< monoandroid) (< win8) (< wp8) (< wpa81)) (&& (< net45) (>= netstandard13) (< netstandard15) (< monoandroid) (< win8) (< wpa81)) (&& (< net45) (>= netstandard15) (< monotouch) (< xamarinios) (< xamarinmac)) (>= dnxcore50)
      System.Text.Encoding (>= 4.3) - restriction: || (&& (< net45) (>= netstandard10) (< netstandard13) (< monoandroid) (< win8) (< wp8) (< wpa81)) (&& (< net45) (>= netstandard13) (< netstandard15) (< monoandroid) (< win8) (< wpa81)) (&& (< net45) (>= netstandard15) (< monotouch) (< xamarinios) (< xamarinmac)) (>= dnxcore50)
      System.Threading.Tasks (>= 4.3) - restriction: || (&& (< net45) (>= netstandard10) (< netstandard13) (< monoandroid) (< win8) (< wp8) (< wpa81)) (&& (< net45) (>= netstandard13) (< netstandard15) (< monoandroid) (< win8) (< wpa81)) (&& (< net45) (>= netstandard15) (< monotouch) (< xamarinios) (< xamarinmac)) (>= dnxcore50)
    System.IO.Compression (4.3) - restriction: || (&& (< net20) (>= netstandard11) (< netstandard13)) (&& (< net20) (>= netstandard13)) (&& (< net45) (>= netstandard13) (< netstandard16) (< monoandroid) (< win8) (< wpa81)) (&& (< net452) (>= netstandard14))
      Microsoft.NETCore.Platforms (>= 1.1) - restriction: && (< net45) (>= netstandard13) (< monotouch) (< xamarinios) (< xamarinmac) (< win8) (< wpa81)
      runtime.native.System (>= 4.3) - restriction: && (< net45) (>= netstandard13) (< monotouch) (< xamarinios) (< xamarinmac) (< win8) (< wpa81)
      runtime.native.System.IO.Compression (>= 4.3) - restriction: || (&& (< net45) (>= netstandard13) (< monotouch) (< xamarinios) (< xamarinmac) (< win8) (< wpa81)) (>= dnxcore50)
      System.Buffers (>= 4.3) - restriction: || (&& (< net45) (>= netstandard13) (< monotouch) (< xamarinios) (< xamarinmac) (< win8) (< wpa81)) (>= dnxcore50)
      System.Collections (>= 4.3) - restriction: || (&& (< net45) (>= netstandard13) (< monotouch) (< xamarinios) (< xamarinmac) (< win8) (< wpa81)) (>= dnxcore50)
      System.Diagnostics.Debug (>= 4.3) - restriction: || (&& (< net45) (>= netstandard13) (< monotouch) (< xamarinios) (< xamarinmac) (< win8) (< wpa81)) (>= dnxcore50)
      System.IO (>= 4.3) - restriction: || (&& (< net45) (>= netstandard11) (< netstandard13) (< monoandroid) (< win8) (< wpa81)) (&& (< net45) (>= netstandard13) (< monotouch) (< xamarinios) (< xamarinmac) (< win8) (< wpa81)) (>= dnxcore50)
      System.Resources.ResourceManager (>= 4.3) - restriction: || (&& (< net45) (>= netstandard13) (< monotouch) (< xamarinios) (< xamarinmac) (< win8) (< wpa81)) (>= dnxcore50)
      System.Runtime (>= 4.3) - restriction: || (&& (< net45) (>= netstandard11) (< netstandard13) (< monoandroid) (< win8) (< wpa81)) (&& (< net45) (>= netstandard13) (< monotouch) (< xamarinios) (< xamarinmac) (< win8) (< wpa81)) (>= dnxcore50)
      System.Runtime.Extensions (>= 4.3) - restriction: || (&& (< net45) (>= netstandard13) (< monotouch) (< xamarinios) (< xamarinmac) (< win8) (< wpa81)) (>= dnxcore50)
      System.Runtime.Handles (>= 4.3) - restriction: || (&& (< net45) (>= netstandard13) (< monotouch) (< xamarinios) (< xamarinmac) (< win8) (< wpa81)) (>= dnxcore50)
      System.Runtime.InteropServices (>= 4.3) - restriction: || (&& (< net45) (>= netstandard13) (< monotouch) (< xamarinios) (< xamarinmac) (< win8) (< wpa81)) (>= dnxcore50)
      System.Text.Encoding (>= 4.3) - restriction: || (&& (< net45) (>= netstandard11) (< netstandard13) (< monoandroid) (< win8) (< wpa81)) (&& (< net45) (>= netstandard13) (< monotouch) (< xamarinios) (< xamarinmac) (< win8) (< wpa81)) (>= dnxcore50)
      System.Threading (>= 4.3) - restriction: || (&& (< net45) (>= netstandard13) (< monotouch) (< xamarinios) (< xamarinmac) (< win8) (< wpa81)) (>= dnxcore50)
      System.Threading.Tasks (>= 4.3) - restriction: || (&& (< net45) (>= netstandard13) (< monotouch) (< xamarinios) (< xamarinmac) (< win8) (< wpa81)) (>= dnxcore50)
    System.IO.Compression.ZipFile (4.3) - restriction: || (&& (< net20) (>= netstandard13)) (&& (< net452) (>= netstandard14))
      System.Buffers (>= 4.3) - restriction: && (< net46) (>= netstandard13) (< monotouch) (< xamarinios) (< xamarinmac)
      System.IO (>= 4.3) - restriction: && (< net46) (>= netstandard13) (< monotouch) (< xamarinios) (< xamarinmac)
      System.IO.Compression (>= 4.3) - restriction: && (< net46) (>= netstandard13) (< monotouch) (< xamarinios) (< xamarinmac)
      System.IO.FileSystem (>= 4.3) - restriction: && (< net46) (>= netstandard13) (< monotouch) (< xamarinios) (< xamarinmac)
      System.IO.FileSystem.Primitives (>= 4.3) - restriction: && (< net46) (>= netstandard13) (< monotouch) (< xamarinios) (< xamarinmac)
      System.Resources.ResourceManager (>= 4.3) - restriction: && (< net46) (>= netstandard13) (< monotouch) (< xamarinios) (< xamarinmac)
      System.Runtime (>= 4.3) - restriction: && (< net46) (>= netstandard13) (< monotouch) (< xamarinios) (< xamarinmac)
      System.Runtime.Extensions (>= 4.3) - restriction: && (< net46) (>= netstandard13) (< monotouch) (< xamarinios) (< xamarinmac)
      System.Text.Encoding (>= 4.3) - restriction: && (< net46) (>= netstandard13) (< monotouch) (< xamarinios) (< xamarinmac)
    System.IO.FileSystem (4.3) - restriction: || (&& (< net20) (>= netstandard13)) (&& (< net45) (>= netstandard14) (< monotouch) (< xamarinios) (< xamarinmac) (< win8) (< wpa81)) (&& (< net452) (>= netstandard14)) (&& (>= dnxcore50) (>= netstandard10)) (&& (>= dnxcore50) (>= netstandard13)) (&& (>= dnxcore50) (>= netstandard14)) (&& (>= netstandard16) (< monotouch) (< xamarinios) (< xamarinmac))
      Microsoft.NETCore.Platforms (>= 1.1) - restriction: && (< net46) (>= netstandard13) (< monotouch) (< xamarinios) (< xamarinmac)
      Microsoft.NETCore.Targets (>= 1.1) - restriction: && (< net46) (>= netstandard13) (< monotouch) (< xamarinios) (< xamarinmac)
      System.IO (>= 4.3) - restriction: && (< net46) (>= netstandard13) (< monotouch) (< xamarinios) (< xamarinmac)
      System.IO.FileSystem.Primitives (>= 4.3) - restriction: || (>= net46) (&& (>= netstandard13) (< monotouch) (< xamarinios) (< xamarinmac))
      System.Runtime (>= 4.3) - restriction: && (< net46) (>= netstandard13) (< monotouch) (< xamarinios) (< xamarinmac)
      System.Runtime.Handles (>= 4.3) - restriction: && (< net46) (>= netstandard13) (< monotouch) (< xamarinios) (< xamarinmac)
      System.Text.Encoding (>= 4.3) - restriction: && (< net46) (>= netstandard13) (< monotouch) (< xamarinios) (< xamarinmac)
      System.Threading.Tasks (>= 4.3) - restriction: && (< net46) (>= netstandard13) (< monotouch) (< xamarinios) (< xamarinmac)
    System.IO.FileSystem.Primitives (4.3) - restriction: || (&& (< net20) (>= net46)) (&& (< net20) (>= netstandard13)) (&& (< net45) (>= netstandard14) (< monotouch) (< xamarinios) (< xamarinmac) (< win8) (< wpa81)) (&& (< net452) (>= netstandard14)) (&& (>= net46) (>= netstandard16)) (&& (>= dnxcore50) (>= netstandard10)) (&& (>= dnxcore50) (>= netstandard13)) (&& (>= dnxcore50) (>= netstandard14)) (&& (>= dnxcore50) (>= netstandard16)) (&& (>= netstandard16) (< monotouch) (< xamarinios) (< xamarinmac))
      System.Runtime (>= 4.3) - restriction: && (< net46) (>= netstandard13) (< monotouch) (< xamarinios) (< xamarinmac)
    System.Linq (4.3) - restriction: || (&& (< net20) (>= netstandard10) (< netstandard13)) (&& (< net20) (>= netstandard13)) (&& (< net20) (< netstandard13) (>= netstandard15)) (&& (< net20) (>= netstandard15) (< monotouch) (< xamarinios) (< xamarinmac)) (&& (< net45) (>= netstandard13) (< monoandroid) (< win8) (< wpa81)) (&& (< net45) (>= netstandard14) (< monotouch) (< xamarinios) (< xamarinmac) (< win8) (< wpa81)) (&& (< net452) (>= netstandard14)) (&& (< net452) (>= netstandard15)) (&& (>= dnxcore50) (>= netstandard10)) (&& (>= dnxcore50) (>= netstandard13)) (&& (>= dnxcore50) (>= netstandard14)) (>= netstandard16)
      System.Collections (>= 4.3) - restriction: || (&& (< net45) (>= netstandard10) (< netstandard16) (< monoandroid) (< win8) (< wp8) (< wpa81)) (>= dnxcore50) (&& (>= netstandard16) (< monotouch) (< xamarinios) (< xamarinmac))
      System.Diagnostics.Debug (>= 4.3) - restriction: || (>= dnxcore50) (&& (>= netstandard16) (< monotouch) (< xamarinios) (< xamarinmac))
      System.Resources.ResourceManager (>= 4.3) - restriction: || (>= dnxcore50) (&& (>= netstandard16) (< monotouch) (< xamarinios) (< xamarinmac))
      System.Runtime (>= 4.3) - restriction: || (&& (< net45) (>= netstandard10) (< netstandard16) (< monoandroid) (< win8) (< wp8) (< wpa81)) (>= dnxcore50) (&& (>= netstandard16) (< monotouch) (< xamarinios) (< xamarinmac))
      System.Runtime.Extensions (>= 4.3) - restriction: || (>= dnxcore50) (&& (>= netstandard16) (< monotouch) (< xamarinios) (< xamarinmac))
    System.Linq.Expressions (4.3) - restriction: || (&& (< net20) (>= netstandard10) (< netstandard13)) (&& (< net20) (>= netstandard13)) (&& (< net452) (>= netstandard14)) (&& (>= dnxcore50) (>= netstandard10)) (&& (>= dnxcore50) (>= netstandard13)) (>= netstandard16)
      System.Collections (>= 4.3) - restriction: || (>= dnxcore50) (&& (>= netstandard16) (< monotouch) (< xamarinios) (< xamarinmac))
      System.Diagnostics.Debug (>= 4.3) - restriction: || (>= dnxcore50) (&& (>= netstandard16) (< monotouch) (< xamarinios) (< xamarinmac))
      System.Globalization (>= 4.3) - restriction: || (>= dnxcore50) (&& (>= netstandard16) (< monotouch) (< xamarinios) (< xamarinmac))
      System.IO (>= 4.3) - restriction: || (>= dnxcore50) (&& (>= netstandard16) (< monotouch) (< xamarinios) (< xamarinmac))
      System.Linq (>= 4.3) - restriction: || (>= dnxcore50) (&& (>= netstandard16) (< monotouch) (< xamarinios) (< xamarinmac))
      System.ObjectModel (>= 4.3) - restriction: && (>= netstandard16) (< monotouch) (< xamarinios) (< xamarinmac)
      System.Reflection (>= 4.3) - restriction: || (&& (< net45) (>= netstandard10) (< netstandard13) (< monoandroid) (< win8) (< wp8) (< wpa81)) (&& (< net45) (>= netstandard13) (< netstandard16) (< monoandroid) (< win8) (< wpa81)) (>= dnxcore50) (&& (>= netstandard16) (< monotouch) (< xamarinios) (< xamarinmac))
      System.Reflection.Emit (>= 4.3) - restriction: && (>= netstandard16) (< monotouch) (< xamarinios) (< xamarinmac)
      System.Reflection.Emit.ILGeneration (>= 4.3) - restriction: || (>= dnxcore50) (&& (>= netstandard16) (< monotouch) (< xamarinios) (< xamarinmac))
      System.Reflection.Emit.Lightweight (>= 4.3) - restriction: || (>= dnxcore50) (&& (>= netstandard16) (< monotouch) (< xamarinios) (< xamarinmac))
      System.Reflection.Extensions (>= 4.3) - restriction: || (>= dnxcore50) (&& (>= netstandard16) (< monotouch) (< xamarinios) (< xamarinmac))
      System.Reflection.Primitives (>= 4.3) - restriction: || (>= dnxcore50) (&& (>= netstandard16) (< monotouch) (< xamarinios) (< xamarinmac))
      System.Reflection.TypeExtensions (>= 4.3) - restriction: || (>= dnxcore50) (&& (>= netstandard16) (< monotouch) (< xamarinios) (< xamarinmac))
      System.Resources.ResourceManager (>= 4.3) - restriction: || (>= dnxcore50) (&& (>= netstandard16) (< monotouch) (< xamarinios) (< xamarinmac))
      System.Runtime (>= 4.3) - restriction: || (&& (< net45) (>= netstandard10) (< netstandard13) (< monoandroid) (< win8) (< wp8) (< wpa81)) (&& (< net45) (>= netstandard13) (< netstandard16) (< monoandroid) (< win8) (< wpa81)) (>= dnxcore50) (&& (>= netstandard16) (< monotouch) (< xamarinios) (< xamarinmac))
      System.Runtime.Extensions (>= 4.3) - restriction: || (>= dnxcore50) (&& (>= netstandard16) (< monotouch) (< xamarinios) (< xamarinmac))
      System.Threading (>= 4.3) - restriction: || (>= dnxcore50) (&& (>= netstandard16) (< monotouch) (< xamarinios) (< xamarinmac))
    System.Linq.Queryable (4.3) - restriction: || (>= net45) (>= netstandard16)
      System.Collections (>= 4.3) - restriction: || (&& (< net45) (>= netstandard13) (< monotouch) (< xamarinios) (< xamarinmac) (< win8) (< wpa81)) (>= dnxcore50)
      System.Diagnostics.Debug (>= 4.3) - restriction: || (&& (< net45) (>= netstandard13) (< monotouch) (< xamarinios) (< xamarinmac) (< win8) (< wpa81)) (>= dnxcore50)
      System.Linq (>= 4.3) - restriction: || (&& (< net45) (>= netstandard10) (< netstandard13) (< monoandroid) (< win8) (< wp8) (< wpa81)) (&& (< net45) (>= netstandard13) (< monotouch) (< xamarinios) (< xamarinmac) (< win8) (< wpa81)) (>= dnxcore50)
      System.Linq.Expressions (>= 4.3) - restriction: || (&& (< net45) (>= netstandard10) (< netstandard13) (< monoandroid) (< win8) (< wp8) (< wpa81)) (&& (< net45) (>= netstandard13) (< monotouch) (< xamarinios) (< xamarinmac) (< win8) (< wpa81)) (>= dnxcore50)
      System.Reflection (>= 4.3) - restriction: || (&& (< net45) (>= netstandard13) (< monotouch) (< xamarinios) (< xamarinmac) (< win8) (< wpa81)) (>= dnxcore50)
      System.Reflection.Extensions (>= 4.3) - restriction: || (&& (< net45) (>= netstandard13) (< monotouch) (< xamarinios) (< xamarinmac) (< win8) (< wpa81)) (>= dnxcore50)
      System.Resources.ResourceManager (>= 4.3) - restriction: || (&& (< net45) (>= netstandard13) (< monotouch) (< xamarinios) (< xamarinmac) (< win8) (< wpa81)) (>= dnxcore50)
      System.Runtime (>= 4.3) - restriction: || (&& (< net45) (>= netstandard10) (< netstandard13) (< monoandroid) (< win8) (< wp8) (< wpa81)) (&& (< net45) (>= netstandard13) (< monotouch) (< xamarinios) (< xamarinmac) (< win8) (< wpa81)) (>= dnxcore50)
    System.Net.Http (4.3.2)
      Microsoft.NETCore.Platforms (>= 1.1) - restriction: || (&& (< net45) (>= netstandard13) (< netstandard16) (< monoandroid) (< win8) (< wpa81)) (>= dnxcore50) (&& (>= netstandard16) (< monotouch) (< xamarinios) (< xamarinmac))
      Microsoft.Win32.Primitives (>= 4.3) - restriction: && (< net45) (>= netstandard13) (< netstandard16) (< monoandroid) (< win8) (< wpa81)
      runtime.native.System (>= 4.3) - restriction: && (>= netstandard16) (< monotouch) (< xamarinios) (< xamarinmac)
      runtime.native.System.Net.Http (>= 4.3) - restriction: && (>= netstandard16) (< monotouch) (< xamarinios) (< xamarinmac)
      runtime.native.System.Security.Cryptography.OpenSsl (>= 4.3) - restriction: && (>= netstandard16) (< monotouch) (< xamarinios) (< xamarinmac)
      System.Collections (>= 4.3) - restriction: || (&& (< net45) (>= netstandard13) (< netstandard16) (< monoandroid) (< win8) (< wpa81)) (>= dnxcore50) (&& (>= netstandard16) (< monotouch) (< xamarinios) (< xamarinmac))
      System.Diagnostics.Debug (>= 4.3) - restriction: || (&& (< net45) (>= netstandard13) (< netstandard16) (< monoandroid) (< win8) (< wpa81)) (>= dnxcore50) (&& (>= netstandard16) (< monotouch) (< xamarinios) (< xamarinmac))
      System.Diagnostics.DiagnosticSource (>= 4.3) - restriction: || (&& (< net45) (>= netstandard13) (< netstandard16) (< monoandroid) (< win8) (< wpa81)) (>= dnxcore50) (&& (>= netstandard16) (< monotouch) (< xamarinios) (< xamarinmac))
      System.Diagnostics.Tracing (>= 4.3) - restriction: || (&& (< net45) (>= netstandard13) (< netstandard16) (< monoandroid) (< win8) (< wpa81)) (>= dnxcore50) (&& (>= netstandard16) (< monotouch) (< xamarinios) (< xamarinmac))
      System.Globalization (>= 4.3) - restriction: || (&& (< net45) (>= netstandard13) (< netstandard16) (< monoandroid) (< win8) (< wpa81)) (>= dnxcore50) (&& (>= netstandard16) (< monotouch) (< xamarinios) (< xamarinmac))
      System.Globalization.Extensions (>= 4.3) - restriction: && (>= netstandard16) (< monotouch) (< xamarinios) (< xamarinmac)
      System.IO (>= 4.3) - restriction: || (&& (< net45) (>= netstandard11) (< netstandard13) (< monoandroid) (< win8) (< wpa81)) (&& (< net45) (>= netstandard13) (< netstandard16) (< monoandroid) (< win8) (< wpa81)) (>= dnxcore50) (&& (>= netstandard16) (< monotouch) (< xamarinios) (< xamarinmac))
      System.IO.Compression (>= 4.3) - restriction: && (< net45) (>= netstandard13) (< netstandard16) (< monoandroid) (< win8) (< wpa81)
      System.IO.FileSystem (>= 4.3) - restriction: && (>= netstandard16) (< monotouch) (< xamarinios) (< xamarinmac)
      System.Net.Primitives (>= 4.3) - restriction: || (&& (< net45) (>= netstandard11) (< netstandard13) (< monoandroid) (< win8) (< wpa81)) (&& (< net45) (>= netstandard13) (< netstandard16) (< monoandroid) (< win8) (< wpa81)) (>= dnxcore50) (&& (>= netstandard16) (< monotouch) (< xamarinios) (< xamarinmac))
      System.Resources.ResourceManager (>= 4.3) - restriction: || (&& (< net45) (>= netstandard13) (< netstandard16) (< monoandroid) (< win8) (< wpa81)) (>= dnxcore50) (&& (>= netstandard16) (< monotouch) (< xamarinios) (< xamarinmac))
      System.Runtime (>= 4.3) - restriction: || (&& (< net45) (>= netstandard11) (< netstandard13) (< monoandroid) (< win8) (< wpa81)) (&& (< net45) (>= netstandard13) (< netstandard16) (< monoandroid) (< win8) (< wpa81)) (>= dnxcore50) (&& (>= netstandard16) (< monotouch) (< xamarinios) (< xamarinmac))
      System.Runtime.Extensions (>= 4.3) - restriction: || (&& (< net45) (>= netstandard13) (< netstandard16) (< monoandroid) (< win8) (< wpa81)) (>= dnxcore50) (&& (>= netstandard16) (< monotouch) (< xamarinios) (< xamarinmac))
      System.Runtime.Handles (>= 4.3) - restriction: || (&& (< net45) (>= netstandard13) (< netstandard16) (< monoandroid) (< win8) (< wpa81)) (&& (>= netstandard16) (< monotouch) (< xamarinios) (< xamarinmac))
      System.Runtime.InteropServices (>= 4.3) - restriction: || (&& (< net45) (>= netstandard13) (< netstandard16) (< monoandroid) (< win8) (< wpa81)) (>= dnxcore50) (&& (>= netstandard16) (< monotouch) (< xamarinios) (< xamarinmac))
      System.Runtime.WindowsRuntime (>= 4.3) - restriction: >= dnxcore50
      System.Security.Cryptography.Algorithms (>= 4.3) - restriction: && (>= netstandard16) (< monotouch) (< xamarinios) (< xamarinmac)
      System.Security.Cryptography.Encoding (>= 4.3) - restriction: || (&& (< net45) (>= netstandard13) (< netstandard16) (< monoandroid) (< win8) (< wpa81)) (&& (>= netstandard16) (< monotouch) (< xamarinios) (< xamarinmac))
      System.Security.Cryptography.OpenSsl (>= 4.3) - restriction: && (>= netstandard16) (< monotouch) (< xamarinios) (< xamarinmac)
      System.Security.Cryptography.Primitives (>= 4.3) - restriction: && (>= netstandard16) (< monotouch) (< xamarinios) (< xamarinmac)
      System.Security.Cryptography.X509Certificates (>= 4.3) - restriction: || (&& (< net45) (>= netstandard13) (< netstandard16) (< monoandroid) (< win8) (< wpa81)) (>= net46) (>= dnxcore50) (&& (>= netstandard16) (< monotouch) (< xamarinios) (< xamarinmac))
      System.Text.Encoding (>= 4.3) - restriction: || (&& (< net45) (>= netstandard11) (< netstandard13) (< monoandroid) (< win8) (< wpa81)) (&& (< net45) (>= netstandard13) (< netstandard16) (< monoandroid) (< win8) (< wpa81)) (>= dnxcore50) (&& (>= netstandard16) (< monotouch) (< xamarinios) (< xamarinmac))
      System.Text.Encoding.Extensions (>= 4.3) - restriction: >= dnxcore50
      System.Threading (>= 4.3) - restriction: || (&& (< net45) (>= netstandard13) (< netstandard16) (< monoandroid) (< win8) (< wpa81)) (>= dnxcore50) (&& (>= netstandard16) (< monotouch) (< xamarinios) (< xamarinmac))
      System.Threading.Tasks (>= 4.3) - restriction: || (&& (< net45) (>= netstandard11) (< netstandard13) (< monoandroid) (< win8) (< wpa81)) (&& (< net45) (>= netstandard13) (< netstandard16) (< monoandroid) (< win8) (< wpa81)) (>= dnxcore50) (&& (>= netstandard16) (< monotouch) (< xamarinios) (< xamarinmac))
    System.Net.Primitives (4.3) - restriction: || (&& (< net20) (>= netstandard10) (< netstandard13)) (&& (< net20) (>= netstandard13)) (&& (< net45) (>= netstandard11) (< netstandard13) (< monoandroid) (< win8) (< wpa81)) (&& (< net45) (>= netstandard13) (< netstandard16) (< monoandroid) (< win8) (< wpa81)) (&& (< net452) (>= netstandard14)) (>= dnxcore50) (&& (< netstandard11) (>= netstandard16) (< monoandroid)) (&& (< netstandard13) (>= netstandard16) (< monoandroid)) (&& (>= netstandard16) (< monotouch) (< xamarinios) (< xamarinmac))
      Microsoft.NETCore.Platforms (>= 1.1) - restriction: || (&& (< net45) (>= netstandard11) (< netstandard13) (< monoandroid) (< win8) (< wpa81)) (&& (< net45) (>= netstandard13) (< monotouch) (< xamarinios) (< xamarinmac) (< win8) (< wpa81)) (>= dnxcore50) (&& (>= netstandard10) (< netstandard11) (< monoandroid) (< win8) (< wp8))
      Microsoft.NETCore.Targets (>= 1.1) - restriction: || (&& (< net45) (>= netstandard11) (< netstandard13) (< monoandroid) (< win8) (< wpa81)) (&& (< net45) (>= netstandard13) (< monotouch) (< xamarinios) (< xamarinmac) (< win8) (< wpa81)) (>= dnxcore50) (&& (>= netstandard10) (< netstandard11) (< monoandroid) (< win8) (< wp8))
      System.Runtime (>= 4.3) - restriction: || (&& (< net45) (>= netstandard11) (< netstandard13) (< monoandroid) (< win8) (< wpa81)) (&& (< net45) (>= netstandard13) (< monotouch) (< xamarinios) (< xamarinmac) (< win8) (< wpa81)) (>= dnxcore50) (&& (>= netstandard10) (< netstandard11) (< monoandroid) (< win8) (< wp8))
      System.Runtime.Handles (>= 4.3) - restriction: || (&& (< net45) (>= netstandard13) (< monotouch) (< xamarinios) (< xamarinmac) (< win8) (< wpa81)) (>= dnxcore50)
    System.Net.Requests (4.3) - restriction: || (>= net45) (>= netstandard16)
      Microsoft.NETCore.Platforms (>= 1.1) - restriction: && (< net45) (>= netstandard13) (< monotouch) (< xamarinios) (< xamarinmac) (< win8) (< wpa81)
      System.Collections (>= 4.3) - restriction: || (&& (< net45) (>= netstandard13) (< monotouch) (< xamarinios) (< xamarinmac) (< win8) (< wpa81)) (>= dnxcore50)
      System.Diagnostics.Debug (>= 4.3) - restriction: || (&& (< net45) (>= netstandard13) (< monotouch) (< xamarinios) (< xamarinmac) (< win8) (< wpa81)) (>= dnxcore50)
      System.Diagnostics.Tracing (>= 4.3) - restriction: || (&& (< net45) (>= netstandard13) (< monotouch) (< xamarinios) (< xamarinmac) (< win8) (< wpa81)) (>= dnxcore50)
      System.Globalization (>= 4.3) - restriction: || (&& (< net45) (>= netstandard13) (< monotouch) (< xamarinios) (< xamarinmac) (< win8) (< wpa81)) (>= dnxcore50)
      System.IO (>= 4.3) - restriction: || (&& (< net45) (>= netstandard11) (< netstandard13) (< monoandroid) (< win8) (< wpa81)) (&& (< net45) (>= netstandard13) (< monotouch) (< xamarinios) (< xamarinmac) (< win8) (< wpa81)) (>= dnxcore50) (&& (>= netstandard10) (< netstandard11) (< monoandroid) (< win8) (< wp8))
      System.Net.Http (>= 4.3) - restriction: || (&& (< net45) (>= netstandard13) (< monotouch) (< xamarinios) (< xamarinmac) (< win8) (< wpa81)) (>= dnxcore50)
      System.Net.Primitives (>= 4.3) - restriction: || (&& (< net45) (>= netstandard11) (< netstandard13) (< monoandroid) (< win8) (< wpa81)) (&& (< net45) (>= netstandard13) (< monotouch) (< xamarinios) (< xamarinmac) (< win8) (< wpa81)) (>= dnxcore50) (&& (>= netstandard10) (< netstandard11) (< monoandroid) (< win8) (< wp8))
      System.Net.WebHeaderCollection (>= 4.3) - restriction: || (&& (< net45) (>= netstandard13) (< monotouch) (< xamarinios) (< xamarinmac) (< win8) (< wpa81)) (>= dnxcore50)
      System.Resources.ResourceManager (>= 4.3) - restriction: || (&& (< net45) (>= netstandard13) (< monotouch) (< xamarinios) (< xamarinmac) (< win8) (< wpa81)) (>= dnxcore50)
      System.Runtime (>= 4.3) - restriction: || (&& (< net45) (>= netstandard11) (< netstandard13) (< monoandroid) (< win8) (< wpa81)) (&& (< net45) (>= netstandard13) (< monotouch) (< xamarinios) (< xamarinmac) (< win8) (< wpa81)) (>= dnxcore50) (&& (>= netstandard10) (< netstandard11) (< monoandroid) (< win8) (< wp8))
      System.Threading (>= 4.3) - restriction: || (&& (< net45) (>= netstandard13) (< monotouch) (< xamarinios) (< xamarinmac) (< win8) (< wpa81)) (>= dnxcore50)
      System.Threading.Tasks (>= 4.3) - restriction: || (&& (< net45) (>= netstandard11) (< netstandard13) (< monoandroid) (< win8) (< wpa81)) (&& (< net45) (>= netstandard13) (< monotouch) (< xamarinios) (< xamarinmac) (< win8) (< wpa81)) (>= dnxcore50)
    System.Net.Security (4.3.1) - restriction: >= netstandard16
      Microsoft.NETCore.Platforms (>= 1.1) - restriction: || (&& (< net46) (>= netstandard13) (< netstandard16) (< monoandroid)) (&& (>= netstandard16) (< monotouch) (< xamarinios) (< xamarinmac))
      Microsoft.Win32.Primitives (>= 4.3) - restriction: || (&& (< net46) (>= netstandard13) (< netstandard16) (< monoandroid)) (&& (>= netstandard16) (< monotouch) (< xamarinios) (< xamarinmac))
      runtime.native.System (>= 4.3) - restriction: && (>= netstandard16) (< monotouch) (< xamarinios) (< xamarinmac)
      runtime.native.System.Net.Security (>= 4.3) - restriction: && (>= netstandard16) (< monotouch) (< xamarinios) (< xamarinmac)
      runtime.native.System.Security.Cryptography.OpenSsl (>= 4.3) - restriction: && (>= netstandard16) (< monotouch) (< xamarinios) (< xamarinmac)
      System.Collections (>= 4.3) - restriction: || (&& (< net46) (>= netstandard13) (< netstandard16) (< monoandroid)) (&& (>= netstandard16) (< monotouch) (< xamarinios) (< xamarinmac))
      System.Collections.Concurrent (>= 4.3) - restriction: || (&& (< net46) (>= netstandard13) (< netstandard16) (< monoandroid)) (&& (>= netstandard16) (< monotouch) (< xamarinios) (< xamarinmac))
      System.Diagnostics.Tracing (>= 4.3) - restriction: || (&& (< net46) (>= netstandard13) (< netstandard16) (< monoandroid)) (&& (>= netstandard16) (< monotouch) (< xamarinios) (< xamarinmac))
      System.Globalization (>= 4.3) - restriction: || (&& (< net46) (>= netstandard13) (< netstandard16) (< monoandroid)) (&& (>= netstandard16) (< monotouch) (< xamarinios) (< xamarinmac))
      System.Globalization.Extensions (>= 4.3) - restriction: && (>= netstandard16) (< monotouch) (< xamarinios) (< xamarinmac)
      System.IO (>= 4.3) - restriction: || (&& (< net46) (>= netstandard13) (< netstandard16) (< monoandroid)) (&& (>= netstandard16) (< monotouch) (< xamarinios) (< xamarinmac))
      System.Net.Primitives (>= 4.3) - restriction: || (&& (< net46) (>= netstandard13) (< netstandard16) (< monoandroid)) (&& (>= netstandard16) (< monotouch) (< xamarinios) (< xamarinmac))
      System.Resources.ResourceManager (>= 4.3) - restriction: || (&& (< net46) (>= netstandard13) (< netstandard16) (< monoandroid)) (&& (>= netstandard16) (< monotouch) (< xamarinios) (< xamarinmac))
      System.Runtime (>= 4.3) - restriction: || (&& (< net46) (>= netstandard13) (< netstandard16) (< monoandroid)) (&& (>= netstandard16) (< monotouch) (< xamarinios) (< xamarinmac))
      System.Runtime.Extensions (>= 4.3) - restriction: || (&& (< net46) (>= netstandard13) (< netstandard16) (< monoandroid)) (&& (>= netstandard16) (< monotouch) (< xamarinios) (< xamarinmac))
      System.Runtime.Handles (>= 4.3) - restriction: || (&& (< net46) (>= netstandard13) (< netstandard16) (< monoandroid)) (&& (>= netstandard16) (< monotouch) (< xamarinios) (< xamarinmac))
      System.Runtime.InteropServices (>= 4.3) - restriction: || (&& (< net46) (>= netstandard13) (< netstandard16) (< monoandroid)) (&& (>= netstandard16) (< monotouch) (< xamarinios) (< xamarinmac))
      System.Security.Claims (>= 4.3) - restriction: || (&& (< net46) (>= netstandard13) (< netstandard16) (< monoandroid)) (&& (>= netstandard16) (< monotouch) (< xamarinios) (< xamarinmac))
      System.Security.Cryptography.Algorithms (>= 4.3) - restriction: && (>= netstandard16) (< monotouch) (< xamarinios) (< xamarinmac)
      System.Security.Cryptography.Encoding (>= 4.3) - restriction: || (&& (< net46) (>= netstandard13) (< netstandard16) (< monoandroid)) (&& (>= netstandard16) (< monotouch) (< xamarinios) (< xamarinmac))
      System.Security.Cryptography.OpenSsl (>= 4.3) - restriction: && (>= netstandard16) (< monotouch) (< xamarinios) (< xamarinmac)
      System.Security.Cryptography.Primitives (>= 4.3) - restriction: || (&& (< net46) (>= netstandard13) (< netstandard16) (< monoandroid)) (&& (>= netstandard16) (< monotouch) (< xamarinios) (< xamarinmac))
      System.Security.Cryptography.X509Certificates (>= 4.3) - restriction: || (>= net46) (&& (>= netstandard13) (< netstandard16) (< monoandroid)) (&& (>= netstandard16) (< monotouch) (< xamarinios) (< xamarinmac))
      System.Security.Principal (>= 4.3) - restriction: || (&& (< net46) (>= netstandard13) (< netstandard16) (< monoandroid)) (&& (>= netstandard16) (< monotouch) (< xamarinios) (< xamarinmac))
      System.Text.Encoding (>= 4.3) - restriction: && (>= netstandard16) (< monotouch) (< xamarinios) (< xamarinmac)
      System.Threading (>= 4.3) - restriction: || (&& (< net46) (>= netstandard13) (< netstandard16) (< monoandroid)) (&& (>= netstandard16) (< monotouch) (< xamarinios) (< xamarinmac))
      System.Threading.Tasks (>= 4.3) - restriction: || (&& (< net46) (>= netstandard13) (< netstandard16) (< monoandroid)) (&& (>= netstandard16) (< monotouch) (< xamarinios) (< xamarinmac))
      System.Threading.ThreadPool (>= 4.3) - restriction: || (&& (< net46) (>= netstandard13) (< netstandard16) (< monoandroid)) (&& (>= netstandard16) (< monotouch) (< xamarinios) (< xamarinmac))
    System.Net.Sockets (4.3) - restriction: || (&& (< net20) (>= netstandard13)) (&& (< net452) (>= netstandard14))
      Microsoft.NETCore.Platforms (>= 1.1) - restriction: && (< net46) (>= netstandard13) (< monotouch) (< xamarinios) (< xamarinmac)
      Microsoft.NETCore.Targets (>= 1.1) - restriction: && (< net46) (>= netstandard13) (< monotouch) (< xamarinios) (< xamarinmac)
      System.IO (>= 4.3) - restriction: && (< net46) (>= netstandard13) (< monotouch) (< xamarinios) (< xamarinmac)
      System.Net.Primitives (>= 4.3) - restriction: && (< net46) (>= netstandard13) (< monotouch) (< xamarinios) (< xamarinmac)
      System.Runtime (>= 4.3) - restriction: && (< net46) (>= netstandard13) (< monotouch) (< xamarinios) (< xamarinmac)
      System.Threading.Tasks (>= 4.3) - restriction: && (< net46) (>= netstandard13) (< monotouch) (< xamarinios) (< xamarinmac)
    System.Net.WebHeaderCollection (4.3) - restriction: || (&& (>= dnxcore50) (>= netstandard16)) (&& (>= netstandard16) (< monotouch) (< xamarinios) (< xamarinmac))
      System.Collections (>= 4.3) - restriction: && (< net46) (>= netstandard13) (< monotouch) (< xamarinios) (< xamarinmac)
      System.Resources.ResourceManager (>= 4.3) - restriction: && (< net46) (>= netstandard13) (< monotouch) (< xamarinios) (< xamarinmac)
      System.Runtime (>= 4.3) - restriction: && (< net46) (>= netstandard13) (< monotouch) (< xamarinios) (< xamarinmac)
      System.Runtime.Extensions (>= 4.3) - restriction: && (< net46) (>= netstandard13) (< monotouch) (< xamarinios) (< xamarinmac)
    System.ObjectModel (4.3) - restriction: || (&& (< net20) (>= netstandard10) (< netstandard13)) (&& (< net20) (>= netstandard13)) (&& (< net452) (>= netstandard14)) (&& (>= dnxcore50) (>= netstandard10)) (&& (>= dnxcore50) (>= netstandard13)) (&& (>= netstandard16) (< monotouch) (< xamarinios) (< xamarinmac))
      System.Collections (>= 4.3) - restriction: || (&& (< net45) (>= netstandard13) (< monotouch) (< xamarinios) (< xamarinmac) (< win8) (< wpa81)) (>= dnxcore50)
      System.Diagnostics.Debug (>= 4.3) - restriction: || (&& (< net45) (>= netstandard13) (< monotouch) (< xamarinios) (< xamarinmac) (< win8) (< wpa81)) (>= dnxcore50)
      System.Resources.ResourceManager (>= 4.3) - restriction: || (&& (< net45) (>= netstandard13) (< monotouch) (< xamarinios) (< xamarinmac) (< win8) (< wpa81)) (>= dnxcore50)
      System.Runtime (>= 4.3) - restriction: || (&& (< net45) (>= netstandard10) (< netstandard13) (< monoandroid) (< win8) (< wp8) (< wpa81)) (&& (< net45) (>= netstandard13) (< monotouch) (< xamarinios) (< xamarinmac) (< win8) (< wpa81)) (>= dnxcore50)
      System.Threading (>= 4.3) - restriction: || (&& (< net45) (>= netstandard13) (< monotouch) (< xamarinios) (< xamarinmac) (< win8) (< wpa81)) (>= dnxcore50)
    System.Private.DataContractSerialization (4.3) - restriction: || (&& (< net45) (>= netstandard14) (< monotouch) (< xamarinios) (< xamarinmac) (< win8) (< wpa81)) (&& (>= dnxcore50) (>= netstandard14))
      System.Collections (>= 4.3) - restriction: || (&& (< net46) (>= netstandard13) (< monotouch) (< xamarinios) (< xamarinmac)) (>= dnxcore50)
      System.Collections.Concurrent (>= 4.3) - restriction: || (&& (< net46) (>= netstandard13) (< monotouch) (< xamarinios) (< xamarinmac)) (>= dnxcore50)
      System.Diagnostics.Debug (>= 4.3) - restriction: || (&& (< net46) (>= netstandard13) (< monotouch) (< xamarinios) (< xamarinmac)) (>= dnxcore50)
      System.Globalization (>= 4.3) - restriction: || (&& (< net46) (>= netstandard13) (< monotouch) (< xamarinios) (< xamarinmac)) (>= dnxcore50)
      System.IO (>= 4.3) - restriction: || (&& (< net46) (>= netstandard13) (< monotouch) (< xamarinios) (< xamarinmac)) (>= dnxcore50)
      System.Linq (>= 4.3) - restriction: || (&& (< net46) (>= netstandard13) (< monotouch) (< xamarinios) (< xamarinmac)) (>= dnxcore50)
      System.Reflection (>= 4.3) - restriction: || (&& (< net46) (>= netstandard13) (< monotouch) (< xamarinios) (< xamarinmac)) (>= dnxcore50)
      System.Reflection.Emit.ILGeneration (>= 4.3) - restriction: && (< net46) (>= netstandard13) (< monotouch) (< xamarinios) (< xamarinmac)
      System.Reflection.Emit.Lightweight (>= 4.3) - restriction: && (< net46) (>= netstandard13) (< monotouch) (< xamarinios) (< xamarinmac)
      System.Reflection.Extensions (>= 4.3) - restriction: || (&& (< net46) (>= netstandard13) (< monotouch) (< xamarinios) (< xamarinmac)) (>= dnxcore50)
      System.Reflection.Primitives (>= 4.3) - restriction: || (&& (< net46) (>= netstandard13) (< monotouch) (< xamarinios) (< xamarinmac)) (>= dnxcore50)
      System.Reflection.TypeExtensions (>= 4.3) - restriction: || (>= net46) (>= dnxcore50) (&& (>= netstandard13) (< monotouch) (< xamarinios) (< xamarinmac))
      System.Resources.ResourceManager (>= 4.3) - restriction: || (&& (< net46) (>= netstandard13) (< monotouch) (< xamarinios) (< xamarinmac)) (>= dnxcore50)
      System.Runtime (>= 4.3) - restriction: || (&& (< net46) (>= netstandard13) (< monotouch) (< xamarinios) (< xamarinmac)) (>= dnxcore50)
      System.Runtime.Extensions (>= 4.3) - restriction: || (&& (< net46) (>= netstandard13) (< monotouch) (< xamarinios) (< xamarinmac)) (>= dnxcore50)
      System.Runtime.Serialization.Primitives (>= 4.3) - restriction: || (>= net46) (>= dnxcore50) (&& (>= netstandard13) (< monotouch) (< xamarinios) (< xamarinmac))
      System.Text.Encoding (>= 4.3) - restriction: || (&& (< net46) (>= netstandard13) (< monotouch) (< xamarinios) (< xamarinmac)) (>= dnxcore50)
      System.Text.Encoding.Extensions (>= 4.3) - restriction: || (&& (< net46) (>= netstandard13) (< monotouch) (< xamarinios) (< xamarinmac)) (>= dnxcore50)
      System.Text.RegularExpressions (>= 4.3) - restriction: || (&& (< net46) (>= netstandard13) (< monotouch) (< xamarinios) (< xamarinmac)) (>= dnxcore50)
      System.Threading (>= 4.3) - restriction: || (&& (< net46) (>= netstandard13) (< monotouch) (< xamarinios) (< xamarinmac)) (>= dnxcore50)
      System.Threading.Tasks (>= 4.3) - restriction: || (&& (< net46) (>= netstandard13) (< monotouch) (< xamarinios) (< xamarinmac)) (>= dnxcore50)
      System.Xml.ReaderWriter (>= 4.3) - restriction: || (&& (< net46) (>= netstandard13) (< monotouch) (< xamarinios) (< xamarinmac)) (>= dnxcore50)
      System.Xml.XDocument (>= 4.3) - restriction: || (&& (< net46) (>= netstandard13) (< monotouch) (< xamarinios) (< xamarinmac)) (>= dnxcore50)
      System.Xml.XmlDocument (>= 4.3) - restriction: || (>= net46) (>= dnxcore50) (&& (>= netstandard13) (< monotouch) (< xamarinios) (< xamarinmac))
      System.Xml.XmlSerializer (>= 4.3) - restriction: || (&& (< net46) (>= netstandard13) (< monotouch) (< xamarinios) (< xamarinmac)) (>= dnxcore50)
    System.Reflection (4.3) - restriction: || (&& (< net20) (>= netstandard10) (< netstandard13)) (&& (< net20) (>= netstandard11) (< netstandard12) (< monoandroid) (< win8)) (&& (< net20) (>= netstandard11) (< netstandard13) (< win8) (< wpa81)) (&& (< net20) (>= netstandard12) (< netstandard13) (< monoandroid) (< win8) (< wpa81)) (&& (< net20) (>= netstandard13)) (&& (< net20) (< netstandard13) (>= netstandard15)) (&& (< net20) (>= netstandard14) (< monotouch) (< xamarinios) (< xamarinmac)) (&& (< net20) (>= netstandard15) (< monotouch) (< xamarinios) (< xamarinmac)) (&& (< net45) (< netstandard12) (>= netstandard13) (< monoandroid) (< win8)) (&& (< net45) (< netstandard12) (>= netstandard14) (< monoandroid) (< win8)) (&& (< net45) (>= netstandard13) (< monoandroid) (< win8) (< wpa81)) (&& (< net45) (< netstandard13) (>= netstandard14) (< monoandroid) (< win8) (< wpa81)) (&& (< net45) (>= netstandard14) (< netstandard15) (< monoandroid) (< win8) (< wpa81)) (&& (< net45) (>= netstandard14) (< monotouch) (< xamarinios) (< xamarinmac) (< win8) (< wpa81)) (&& (< net45) (>= netstandard15) (< monoandroid)) (&& (< net45) (>= netstandard15) (< monotouch) (< xamarinios) (< xamarinmac)) (&& (< net452) (>= netstandard14)) (>= dnxcore50) (>= netstandard16)
      Microsoft.NETCore.Platforms (>= 1.1) - restriction: || (&& (< net45) (>= netstandard10) (< netstandard13) (< monoandroid) (< win8) (< wp8) (< wpa81)) (&& (< net45) (>= netstandard13) (< netstandard15) (< monoandroid) (< win8) (< wpa81)) (&& (< net45) (>= netstandard15) (< monotouch) (< xamarinios) (< xamarinmac)) (>= dnxcore50)
      Microsoft.NETCore.Targets (>= 1.1) - restriction: || (&& (< net45) (>= netstandard10) (< netstandard13) (< monoandroid) (< win8) (< wp8) (< wpa81)) (&& (< net45) (>= netstandard13) (< netstandard15) (< monoandroid) (< win8) (< wpa81)) (&& (< net45) (>= netstandard15) (< monotouch) (< xamarinios) (< xamarinmac)) (>= dnxcore50)
      System.IO (>= 4.3) - restriction: || (&& (< net45) (>= netstandard10) (< netstandard13) (< monoandroid) (< win8) (< wp8) (< wpa81)) (&& (< net45) (>= netstandard13) (< netstandard15) (< monoandroid) (< win8) (< wpa81)) (&& (< net45) (>= netstandard15) (< monotouch) (< xamarinios) (< xamarinmac)) (>= dnxcore50)
      System.Reflection.Primitives (>= 4.3) - restriction: || (&& (< net45) (>= netstandard10) (< netstandard13) (< monoandroid) (< win8) (< wp8) (< wpa81)) (&& (< net45) (>= netstandard13) (< netstandard15) (< monoandroid) (< win8) (< wpa81)) (&& (< net45) (>= netstandard15) (< monotouch) (< xamarinios) (< xamarinmac)) (>= dnxcore50)
      System.Runtime (>= 4.3) - restriction: || (&& (< net45) (>= netstandard10) (< netstandard13) (< monoandroid) (< win8) (< wp8) (< wpa81)) (&& (< net45) (>= netstandard13) (< netstandard15) (< monoandroid) (< win8) (< wpa81)) (&& (< net45) (>= netstandard15) (< monotouch) (< xamarinios) (< xamarinmac)) (>= dnxcore50)
    System.Reflection.Emit (4.3) - restriction: || (&& (< net20) (>= netstandard13) (< monotouch) (< xamarinios) (< xamarinmac) (< win8) (< wpa81)) (&& (< net45) (>= netstandard14) (< monotouch) (< xamarinios) (< xamarinmac) (< win8) (< wpa81)) (&& (>= dnxcore50) (>= netstandard13)) (&& (>= dnxcore50) (>= netstandard14)) (&& (>= netstandard16) (< monotouch) (< xamarinios) (< xamarinmac))
      System.IO (>= 4.3) - restriction: && (< net45) (>= netstandard11) (< monotouch) (< xamarinios) (< xamarinmac)
      System.Reflection (>= 4.3) - restriction: && (< net45) (>= netstandard11) (< monotouch) (< xamarinios) (< xamarinmac)
      System.Reflection.Emit.ILGeneration (>= 4.3) - restriction: && (< net45) (>= netstandard11) (< monotouch) (< xamarinios) (< xamarinmac)
      System.Reflection.Primitives (>= 4.3) - restriction: && (< net45) (>= netstandard11) (< monotouch) (< xamarinios) (< xamarinmac)
      System.Runtime (>= 4.3) - restriction: && (< net45) (>= netstandard11) (< monotouch) (< xamarinios) (< xamarinmac)
    System.Reflection.Emit.ILGeneration (4.3) - restriction: || (&& (< net20) (>= netstandard13) (< monotouch) (< xamarinios) (< xamarinmac) (< win8) (< wpa81)) (&& (< net45) (>= netstandard14) (< monotouch) (< xamarinios) (< xamarinmac) (< win8) (< wpa81)) (&& (>= dnxcore50) (>= netstandard13)) (&& (>= dnxcore50) (>= netstandard14)) (&& (>= dnxcore50) (>= netstandard16)) (&& (>= netstandard16) (< monotouch) (< xamarinios) (< xamarinmac))
      System.Reflection (>= 4.3) - restriction: && (< net45) (>= netstandard10) (< monotouch) (< xamarinios) (< xamarinmac) (< wp8)
      System.Reflection.Primitives (>= 4.3) - restriction: && (< net45) (>= netstandard10) (< monotouch) (< xamarinios) (< xamarinmac) (< wp8)
      System.Runtime (>= 4.3) - restriction: && (< net45) (>= netstandard10) (< monotouch) (< xamarinios) (< xamarinmac) (< wp8)
    System.Reflection.Emit.Lightweight (4.3) - restriction: || (&& (< net45) (>= netstandard14) (< monotouch) (< xamarinios) (< xamarinmac) (< win8) (< wpa81)) (&& (>= dnxcore50) (>= netstandard14)) (&& (>= dnxcore50) (>= netstandard16)) (&& (>= netstandard16) (< monotouch) (< xamarinios) (< xamarinmac))
      System.Reflection (>= 4.3) - restriction: && (< net45) (>= netstandard10) (< monotouch) (< xamarinios) (< xamarinmac) (< wp8)
      System.Reflection.Emit.ILGeneration (>= 4.3) - restriction: && (< net45) (>= netstandard10) (< monotouch) (< xamarinios) (< xamarinmac) (< wp8)
      System.Reflection.Primitives (>= 4.3) - restriction: && (< net45) (>= netstandard10) (< monotouch) (< xamarinios) (< xamarinmac) (< wp8)
      System.Runtime (>= 4.3) - restriction: && (< net45) (>= netstandard10) (< monotouch) (< xamarinios) (< xamarinmac) (< wp8)
    System.Reflection.Extensions (4.3) - restriction: || (&& (< net20) (>= netstandard10) (< netstandard13)) (&& (< net20) (>= netstandard11) (< netstandard13) (< win8) (< wpa81)) (&& (< net20) (>= netstandard13)) (&& (< net20) (< netstandard13) (>= netstandard15)) (&& (< net20) (>= netstandard15) (< monotouch) (< xamarinios) (< xamarinmac)) (&& (< net45) (>= netstandard14) (< monotouch) (< xamarinios) (< xamarinmac) (< win8) (< wpa81)) (&& (< net452) (>= netstandard14)) (&& (>= dnxcore50) (>= netstandard10)) (&& (>= dnxcore50) (>= netstandard11)) (&& (>= dnxcore50) (>= netstandard13)) (&& (>= dnxcore50) (>= netstandard14)) (>= netstandard16)
      Microsoft.NETCore.Platforms (>= 1.1) - restriction: || (&& (< net45) (>= netstandard10) (< monotouch) (< xamarinios) (< xamarinmac) (< win8) (< wp8) (< wpa81)) (>= dnxcore50)
      Microsoft.NETCore.Targets (>= 1.1) - restriction: || (&& (< net45) (>= netstandard10) (< monotouch) (< xamarinios) (< xamarinmac) (< win8) (< wp8) (< wpa81)) (>= dnxcore50)
      System.Reflection (>= 4.3) - restriction: || (&& (< net45) (>= netstandard10) (< monotouch) (< xamarinios) (< xamarinmac) (< win8) (< wp8) (< wpa81)) (>= dnxcore50)
      System.Runtime (>= 4.3) - restriction: || (&& (< net45) (>= netstandard10) (< monotouch) (< xamarinios) (< xamarinmac) (< win8) (< wp8) (< wpa81)) (>= dnxcore50)
    System.Reflection.Primitives (4.3) - restriction: || (&& (< net20) (>= netstandard10) (< netstandard13)) (&& (< net20) (>= netstandard11) (< netstandard12) (< monoandroid) (< win8)) (&& (< net20) (>= netstandard12) (< netstandard13) (< monoandroid) (< win8) (< wpa81)) (&& (< net20) (>= netstandard13)) (&& (< net20) (< netstandard13) (>= netstandard15)) (&& (< net20) (>= netstandard15) (< monotouch) (< xamarinios) (< xamarinmac)) (&& (< net45) (< netstandard12) (>= netstandard13) (< monoandroid) (< win8)) (&& (< net45) (< netstandard12) (>= netstandard14) (< monoandroid) (< win8)) (&& (< net45) (>= netstandard13) (< netstandard15) (< monoandroid) (< win8) (< wpa81)) (&& (< net45) (< netstandard13) (>= netstandard14) (< monoandroid) (< win8) (< wpa81)) (&& (< net45) (>= netstandard14) (< netstandard15) (< monoandroid) (< win8) (< wpa81)) (&& (< net45) (>= netstandard14) (< monotouch) (< xamarinios) (< xamarinmac) (< win8) (< wpa81)) (&& (< net45) (>= netstandard15) (< netstandard16) (< monoandroid)) (&& (< net45) (>= netstandard15) (< monotouch) (< xamarinios) (< xamarinmac)) (&& (< net452) (>= netstandard14)) (>= dnxcore50) (&& (< netstandard12) (>= netstandard16) (< monoandroid)) (&& (< netstandard13) (>= netstandard16) (< monoandroid)) (&& (< netstandard15) (>= netstandard16) (< monoandroid)) (&& (>= netstandard16) (< monotouch) (< xamarinios) (< xamarinmac)) (>= netcore11)
      Microsoft.NETCore.Platforms (>= 1.1) - restriction: || (&& (< net45) (>= netstandard10) (< monotouch) (< xamarinios) (< xamarinmac) (< win8) (< wp8) (< wpa81)) (>= dnxcore50)
      Microsoft.NETCore.Targets (>= 1.1) - restriction: || (&& (< net45) (>= netstandard10) (< monotouch) (< xamarinios) (< xamarinmac) (< win8) (< wp8) (< wpa81)) (>= dnxcore50)
      System.Runtime (>= 4.3) - restriction: || (&& (< net45) (>= netstandard10) (< monotouch) (< xamarinios) (< xamarinmac) (< win8) (< wp8) (< wpa81)) (>= dnxcore50)
    System.Reflection.TypeExtensions (4.3) - restriction: || (&& (< net20) (>= netstandard13) (< monotouch) (< xamarinios) (< xamarinmac) (< win8) (< wpa81)) (&& (< net20) (< netstandard13) (>= netstandard15)) (&& (< net20) (>= netstandard15) (< monotouch) (< xamarinios) (< xamarinmac)) (&& (< net45) (>= net46) (>= netstandard14)) (&& (< net45) (>= netstandard14) (< monotouch) (< xamarinios) (< xamarinmac) (< win8) (< wpa81)) (&& (>= dnxcore50) (>= netstandard10)) (&& (>= dnxcore50) (>= netstandard13)) (&& (>= dnxcore50) (>= netstandard14)) (&& (>= dnxcore50) (>= netstandard16)) (&& (>= netstandard16) (< monotouch) (< xamarinios) (< xamarinmac))
      System.Reflection (>= 4.3) - restriction: || (&& (< net46) (>= netstandard13) (< netstandard15) (< monoandroid)) (&& (< net46) (>= netstandard15) (< monotouch) (< xamarinios) (< xamarinmac)) (>= net462) (>= dnxcore50)
      System.Runtime (>= 4.3) - restriction: || (&& (< net46) (>= netstandard13) (< netstandard15) (< monoandroid)) (&& (< net46) (>= netstandard15) (< monotouch) (< xamarinios) (< xamarinmac)) (>= dnxcore50)
    System.Resources.ResourceManager (4.3) - restriction: || (&& (< net20) (>= net45) (< netstandard13)) (&& (< net20) (>= net462)) (&& (< net20) (>= netstandard10) (< netstandard13)) (&& (< net20) (>= netstandard11) (< netstandard13) (< win8) (< wpa81)) (&& (< net20) (>= netstandard13)) (&& (< net20) (< netstandard13) (>= netstandard15)) (&& (< net20) (>= netstandard14) (< monotouch) (< xamarinios) (< xamarinmac)) (&& (< net20) (>= netstandard15) (< monotouch) (< xamarinios) (< xamarinmac)) (&& (< net45) (>= netstandard13) (< monoandroid) (< win8) (< wpa81)) (&& (< net45) (>= netstandard14) (< monotouch) (< xamarinios) (< xamarinmac) (< win8) (< wpa81)) (&& (< net452) (>= netstandard14)) (>= dnxcore50) (>= netstandard16)
      Microsoft.NETCore.Platforms (>= 1.1) - restriction: || (&& (< net45) (>= netstandard10) (< monotouch) (< xamarinios) (< xamarinmac) (< win8) (< wp8) (< wpa81)) (>= dnxcore50)
      Microsoft.NETCore.Targets (>= 1.1) - restriction: || (&& (< net45) (>= netstandard10) (< monotouch) (< xamarinios) (< xamarinmac) (< win8) (< wp8) (< wpa81)) (>= dnxcore50)
      System.Globalization (>= 4.3) - restriction: || (&& (< net45) (>= netstandard10) (< monotouch) (< xamarinios) (< xamarinmac) (< win8) (< wp8) (< wpa81)) (>= dnxcore50)
      System.Reflection (>= 4.3) - restriction: || (&& (< net45) (>= netstandard10) (< monotouch) (< xamarinios) (< xamarinmac) (< win8) (< wp8) (< wpa81)) (>= dnxcore50)
      System.Runtime (>= 4.3) - restriction: || (&& (< net45) (>= netstandard10) (< monotouch) (< xamarinios) (< xamarinmac) (< win8) (< wp8) (< wpa81)) (>= dnxcore50)
    System.Runtime (4.3) - restriction: || (&& (< net20) (>= net462)) (&& (< net20) (>= netstandard10) (< netstandard13)) (&& (< net20) (>= netstandard12) (< netstandard13) (< win81) (< wpa81)) (&& (< net20) (>= netstandard13)) (&& (< net20) (< netstandard13) (>= netstandard15)) (&& (< net20) (>= netstandard14) (< monoandroid)) (&& (< net20) (>= netstandard14) (< monotouch) (< xamarinios) (< xamarinmac)) (&& (< net20) (>= netstandard15) (< monotouch) (< xamarinios) (< xamarinmac)) (&& (< net45) (>= net462)) (&& (< net45) (>= netstandard11) (< netstandard13) (< monoandroid) (< win8) (< wpa81)) (&& (< net45) (< netstandard12) (>= netstandard13) (< monoandroid) (< win8)) (&& (< net45) (>= netstandard13) (< monoandroid) (< win8) (< wpa81)) (&& (< net45) (>= netstandard14) (< monoandroid) (< win8) (< wpa81)) (&& (< net45) (>= netstandard14) (< monotouch) (< xamarinios) (< xamarinmac) (< win8) (< wpa81)) (&& (< net45) (>= netstandard15) (< monoandroid)) (&& (< net451) (>= netstandard14) (< monotouch) (< xamarinios) (< xamarinmac) (< win81) (< wpa81)) (&& (< net452) (>= netstandard14)) (&& (< net452) (>= netstandard15)) (&& (< net46) (>= net461)) (>= net463) (>= dnxcore50) (&& (< netstandard11) (>= netstandard13) (< monoandroid) (< win8)) (>= netstandard16)
      Microsoft.NETCore.Platforms (>= 1.1) - restriction: || (&& (< net45) (>= netstandard10) (< netstandard12) (< monoandroid) (< win8) (< wp8)) (&& (< net45) (>= netstandard12) (< netstandard13) (< monoandroid) (< win8) (< wpa81)) (&& (< net45) (>= netstandard13) (< netstandard15) (< monoandroid) (< win8) (< wpa81)) (&& (< net45) (>= netstandard15) (< monotouch) (< xamarinios) (< xamarinmac)) (>= dnxcore50)
      Microsoft.NETCore.Targets (>= 1.1) - restriction: || (&& (< net45) (>= netstandard10) (< netstandard12) (< monoandroid) (< win8) (< wp8)) (&& (< net45) (>= netstandard12) (< netstandard13) (< monoandroid) (< win8) (< wpa81)) (&& (< net45) (>= netstandard13) (< netstandard15) (< monoandroid) (< win8) (< wpa81)) (&& (< net45) (>= netstandard15) (< monotouch) (< xamarinios) (< xamarinmac)) (>= dnxcore50)
    System.Runtime.Extensions (4.3) - restriction: || (&& (< net20) (>= net462)) (&& (< net20) (>= netstandard10) (< netstandard13)) (&& (< net20) (>= netstandard13)) (&& (< net20) (< netstandard13) (>= netstandard15)) (&& (< net20) (>= netstandard15) (< monotouch) (< xamarinios) (< xamarinmac)) (&& (< net45) (>= netstandard13) (< monoandroid) (< win8) (< wpa81)) (&& (< net45) (>= netstandard14) (< monotouch) (< xamarinios) (< xamarinmac) (< win8) (< wpa81)) (&& (< net452) (>= netstandard14)) (>= dnxcore50) (>= netstandard16)
      Microsoft.NETCore.Platforms (>= 1.1) - restriction: || (&& (< net45) (>= netstandard10) (< netstandard13) (< monoandroid) (< win8) (< wp8) (< wpa81)) (&& (< net45) (>= netstandard13) (< netstandard15) (< monoandroid) (< win8) (< wpa81)) (&& (< net45) (>= netstandard15) (< monotouch) (< xamarinios) (< xamarinmac)) (>= dnxcore50)
      Microsoft.NETCore.Targets (>= 1.1) - restriction: || (&& (< net45) (>= netstandard10) (< netstandard13) (< monoandroid) (< win8) (< wp8) (< wpa81)) (&& (< net45) (>= netstandard13) (< netstandard15) (< monoandroid) (< win8) (< wpa81)) (&& (< net45) (>= netstandard15) (< monotouch) (< xamarinios) (< xamarinmac)) (>= dnxcore50)
      System.Runtime (>= 4.3) - restriction: || (&& (< net45) (>= netstandard10) (< netstandard13) (< monoandroid) (< win8) (< wp8) (< wpa81)) (&& (< net45) (>= netstandard13) (< netstandard15) (< monoandroid) (< win8) (< wpa81)) (&& (< net45) (>= netstandard15) (< monotouch) (< xamarinios) (< xamarinmac)) (>= dnxcore50)
    System.Runtime.Handles (4.3) - restriction: || (&& (< net20) (>= netstandard13)) (&& (< net20) (>= netstandard14) (< netstandard16) (< monoandroid)) (&& (< net45) (>= netstandard13) (< netstandard14) (< monoandroid) (< win8) (< wpa81)) (&& (< net45) (>= netstandard13) (< netstandard16) (< monoandroid) (< win8) (< wpa81)) (&& (< net45) (>= netstandard14) (< netstandard16) (< monoandroid) (< win8) (< wpa81)) (&& (< net452) (>= netstandard14)) (&& (>= net46) (>= netstandard16)) (>= dnxcore50) (&& (< netstandard14) (>= netstandard16) (< monoandroid)) (&& (>= netstandard16) (< monotouch) (< xamarinios) (< xamarinmac))
      Microsoft.NETCore.Platforms (>= 1.1) - restriction: && (< net46) (>= netstandard13) (< monotouch) (< xamarinios) (< xamarinmac)
      Microsoft.NETCore.Targets (>= 1.1) - restriction: && (< net46) (>= netstandard13) (< monotouch) (< xamarinios) (< xamarinmac)
      System.Runtime (>= 4.3) - restriction: && (< net46) (>= netstandard13) (< monotouch) (< xamarinios) (< xamarinmac)
    System.Runtime.InteropServices (4.3) - restriction: || (&& (< net20) (>= netstandard11) (< netstandard13)) (&& (< net20) (>= netstandard13)) (&& (< net20) (< netstandard13) (>= netstandard15)) (&& (< net20) (>= netstandard15) (< monotouch) (< xamarinios) (< xamarinmac)) (&& (< net45) (>= netstandard13) (< netstandard16) (< monoandroid) (< win8) (< wpa81)) (&& (< net45) (>= netstandard14) (< monotouch) (< xamarinios) (< xamarinmac) (< win8) (< wpa81)) (&& (< net452) (>= netstandard14)) (&& (>= net46) (>= netstandard16)) (>= dnxcore50) (&& (>= netstandard16) (< monotouch) (< xamarinios) (< xamarinmac))
      Microsoft.NETCore.Platforms (>= 1.1) - restriction: || (&& (< net45) (>= netstandard11) (< netstandard12) (< monoandroid) (< win8)) (&& (< net45) (>= netstandard12) (< netstandard13) (< monoandroid) (< win8) (< wpa81)) (&& (< net45) (>= netstandard13) (< netstandard15) (< monoandroid) (< win8) (< wpa81)) (&& (< net45) (>= netstandard15) (< monotouch) (< xamarinios) (< xamarinmac)) (>= dnxcore50) (>= netcore11)
      Microsoft.NETCore.Targets (>= 1.1) - restriction: || (&& (< net45) (>= netstandard11) (< netstandard12) (< monoandroid) (< win8)) (&& (< net45) (>= netstandard12) (< netstandard13) (< monoandroid) (< win8) (< wpa81)) (&& (< net45) (>= netstandard13) (< netstandard15) (< monoandroid) (< win8) (< wpa81)) (&& (< net45) (>= netstandard15) (< monotouch) (< xamarinios) (< xamarinmac)) (>= dnxcore50) (>= netcore11)
      System.Reflection (>= 4.3) - restriction: || (&& (< net45) (>= netstandard11) (< netstandard12) (< monoandroid) (< win8)) (&& (< net45) (>= netstandard12) (< netstandard13) (< monoandroid) (< win8) (< wpa81)) (&& (< net45) (>= netstandard13) (< netstandard15) (< monoandroid) (< win8) (< wpa81)) (&& (< net45) (>= netstandard15) (< monotouch) (< xamarinios) (< xamarinmac)) (>= dnxcore50) (>= netcore11)
      System.Reflection.Primitives (>= 4.3) - restriction: || (&& (< net45) (>= netstandard11) (< netstandard12) (< monoandroid) (< win8)) (&& (< net45) (>= netstandard12) (< netstandard13) (< monoandroid) (< win8) (< wpa81)) (&& (< net45) (>= netstandard13) (< netstandard15) (< monoandroid) (< win8) (< wpa81)) (&& (< net45) (>= netstandard15) (< monotouch) (< xamarinios) (< xamarinmac)) (>= dnxcore50) (>= netcore11)
      System.Runtime (>= 4.3) - restriction: || (&& (< net45) (>= netstandard11) (< netstandard12) (< monoandroid) (< win8)) (&& (< net45) (>= netstandard12) (< netstandard13) (< monoandroid) (< win8) (< wpa81)) (&& (< net45) (>= netstandard13) (< netstandard15) (< monoandroid) (< win8) (< wpa81)) (&& (< net45) (>= netstandard15) (< monotouch) (< xamarinios) (< xamarinmac)) (>= net462) (>= dnxcore50) (>= netcore11)
      System.Runtime.Handles (>= 4.3) - restriction: || (&& (< net45) (>= netstandard13) (< netstandard15) (< monoandroid) (< win8) (< wpa81)) (&& (< net45) (>= netstandard15) (< monotouch) (< xamarinios) (< xamarinmac)) (>= dnxcore50) (>= netcore11)
    System.Runtime.InteropServices.RuntimeInformation (4.3) - restriction: || (&& (< net20) (>= netstandard11) (< netstandard13)) (&& (< net20) (>= netstandard13)) (&& (< net452) (>= netstandard14))
      runtime.native.System (>= 4.3) - restriction: && (< net45) (>= netstandard11) (< monotouch) (< xamarinios) (< xamarinmac) (< win8) (< wpa81)
      System.Reflection (>= 4.3) - restriction: || (&& (< net45) (>= netstandard11) (< monotouch) (< xamarinios) (< xamarinmac) (< win8) (< wpa81)) (>= dnxcore50)
      System.Reflection.Extensions (>= 4.3) - restriction: || (&& (< net45) (>= netstandard11) (< monotouch) (< xamarinios) (< xamarinmac) (< win8) (< wpa81)) (>= dnxcore50)
      System.Resources.ResourceManager (>= 4.3) - restriction: || (&& (< net45) (>= netstandard11) (< monotouch) (< xamarinios) (< xamarinmac) (< win8) (< wpa81)) (>= dnxcore50)
      System.Runtime (>= 4.3) - restriction: || (&& (< net45) (>= netstandard11) (< monotouch) (< xamarinios) (< xamarinmac) (< win8) (< wpa81)) (>= dnxcore50)
      System.Runtime.InteropServices (>= 4.3) - restriction: && (< net45) (>= netstandard11) (< monotouch) (< xamarinios) (< xamarinmac) (< win8) (< wpa81)
      System.Threading (>= 4.3) - restriction: || (&& (< net45) (>= netstandard11) (< monotouch) (< xamarinios) (< xamarinmac) (< win8) (< wpa81)) (>= dnxcore50)
    System.Runtime.Numerics (4.3) - restriction: || (&& (< net20) (>= netstandard11) (< netstandard13)) (&& (< net20) (>= netstandard13)) (&& (< net452) (>= netstandard14)) (>= dnxcore50) (>= netstandard16)
      System.Globalization (>= 4.3) - restriction: || (&& (< net45) (>= netstandard13) (< monotouch) (< xamarinios) (< xamarinmac) (< win8) (< wpa81)) (>= dnxcore50)
      System.Resources.ResourceManager (>= 4.3) - restriction: || (&& (< net45) (>= netstandard13) (< monotouch) (< xamarinios) (< xamarinmac) (< win8) (< wpa81)) (>= dnxcore50)
      System.Runtime (>= 4.3) - restriction: || (&& (< net45) (>= netstandard11) (< netstandard13) (< monoandroid) (< win8) (< wpa81)) (&& (< net45) (>= netstandard13) (< monotouch) (< xamarinios) (< xamarinmac) (< win8) (< wpa81)) (>= dnxcore50)
      System.Runtime.Extensions (>= 4.3) - restriction: || (&& (< net45) (>= netstandard13) (< monotouch) (< xamarinios) (< xamarinmac) (< win8) (< wpa81)) (>= dnxcore50)
    System.Runtime.Serialization.Formatters (4.3) - restriction: && (< net20) (>= netstandard13)
      System.Collections (>= 4.3) - restriction: && (< net46) (>= netstandard14) (< monotouch) (< xamarinios) (< xamarinmac)
      System.Reflection (>= 4.3) - restriction: && (< net46) (>= netstandard14) (< monotouch) (< xamarinios) (< xamarinmac)
      System.Resources.ResourceManager (>= 4.3) - restriction: && (< net46) (>= netstandard14) (< monotouch) (< xamarinios) (< xamarinmac)
      System.Runtime (>= 4.3) - restriction: || (&& (< net46) (>= netstandard13) (< netstandard14) (< monoandroid)) (&& (< net46) (>= netstandard14) (< monotouch) (< xamarinios) (< xamarinmac))
      System.Runtime.Serialization.Primitives (>= 4.3) - restriction: || (>= net46) (&& (>= netstandard13) (< netstandard14) (< monoandroid)) (&& (>= netstandard14) (< monotouch) (< xamarinios) (< xamarinmac))
    System.Runtime.Serialization.Json (4.3) - restriction: || (&& (< net45) (>= netstandard14) (< xamarinios)) (>= netstandard16)
      System.IO (>= 4.3) - restriction: || (&& (< net45) (>= netstandard10) (< netstandard13) (< monoandroid) (< win8) (< wp8) (< wpa81)) (&& (< net45) (>= netstandard13) (< monotouch) (< xamarinios) (< xamarinmac) (< win8) (< wpa81)) (>= dnxcore50)
      System.Private.DataContractSerialization (>= 4.3) - restriction: || (&& (< net45) (>= netstandard13) (< monotouch) (< xamarinios) (< xamarinmac) (< win8) (< wpa81)) (>= dnxcore50)
      System.Runtime (>= 4.3) - restriction: || (&& (< net45) (>= netstandard10) (< netstandard13) (< monoandroid) (< win8) (< wp8) (< wpa81)) (&& (< net45) (>= netstandard13) (< monotouch) (< xamarinios) (< xamarinmac) (< win8) (< wpa81)) (>= dnxcore50)
    System.Runtime.Serialization.Primitives (4.3) - restriction: || (&& (< net20) (>= net46)) (&& (< net20) (>= netstandard10) (< netstandard13)) (&& (< net20) (>= netstandard13)) (&& (< net20) (>= netstandard14) (< monotouch) (< xamarinios) (< xamarinmac)) (&& (< net45) (>= net46) (>= netstandard14)) (&& (< net45) (>= netstandard14) (< xamarinios)) (&& (>= dnxcore50) (>= netstandard14))
      System.Resources.ResourceManager (>= 4.3) - restriction: || (&& (< net45) (>= netstandard13) (< monotouch) (< xamarinios) (< xamarinmac) (< win8) (< wpa81)) (>= dnxcore50)
      System.Runtime (>= 4.3) - restriction: || (&& (< net45) (>= netstandard10) (< netstandard13) (< monoandroid) (< win8) (< wp8) (< wpa81)) (&& (< net45) (>= netstandard13) (< monotouch) (< xamarinios) (< xamarinmac) (< win8) (< wpa81)) (>= dnxcore50)
    System.Runtime.WindowsRuntime (4.3) - restriction: >= dnxcore50
    System.Security.Claims (4.3) - restriction: >= netstandard16
      System.Collections (>= 4.3) - restriction: && (< net46) (>= netstandard13) (< monotouch) (< xamarinios) (< xamarinmac)
      System.Globalization (>= 4.3) - restriction: && (< net46) (>= netstandard13) (< monotouch) (< xamarinios) (< xamarinmac)
      System.IO (>= 4.3) - restriction: && (< net46) (>= netstandard13) (< monotouch) (< xamarinios) (< xamarinmac)
      System.Resources.ResourceManager (>= 4.3) - restriction: && (< net46) (>= netstandard13) (< monotouch) (< xamarinios) (< xamarinmac)
      System.Runtime (>= 4.3) - restriction: && (< net46) (>= netstandard13) (< monotouch) (< xamarinios) (< xamarinmac)
      System.Runtime.Extensions (>= 4.3) - restriction: && (< net46) (>= netstandard13) (< monotouch) (< xamarinios) (< xamarinmac)
      System.Security.Principal (>= 4.3) - restriction: && (< net46) (>= netstandard13) (< monotouch) (< xamarinios) (< xamarinmac)
    System.Security.Cryptography.Algorithms (4.3) - restriction: || (&& (< net20) (>= netstandard13)) (&& (< net20) (>= netstandard14) (< netstandard16) (< monoandroid)) (&& (< net45) (>= netstandard13) (< netstandard14) (< monoandroid) (< win8) (< wpa81)) (&& (< net45) (>= netstandard14) (< netstandard16) (< monoandroid) (< win8) (< wpa81)) (&& (< net452) (>= netstandard14)) (&& (< net452) (>= netstandard15)) (&& (>= net46) (< netstandard14)) (&& (>= net46) (>= netstandard16)) (>= net461) (>= dnxcore50) (&& (< netstandard14) (>= netstandard16) (< monoandroid)) (&& (>= netstandard16) (< monotouch) (< xamarinios) (< xamarinmac))
      Microsoft.NETCore.Platforms (>= 1.1) - restriction: || (>= dnxcore50) (&& (>= netstandard16) (< monotouch) (< xamarinios) (< xamarinmac))
      runtime.native.System.Security.Cryptography.Apple (>= 4.3) - restriction: && (>= netstandard16) (< monotouch) (< xamarinios) (< xamarinmac)
      runtime.native.System.Security.Cryptography.OpenSsl (>= 4.3) - restriction: && (>= netstandard16) (< monotouch) (< xamarinios) (< xamarinmac)
      System.Collections (>= 4.3) - restriction: && (>= netstandard16) (< monotouch) (< xamarinios) (< xamarinmac)
      System.IO (>= 4.3) - restriction: || (&& (< net46) (>= netstandard13) (< netstandard14) (< monoandroid)) (&& (< net46) (>= netstandard14) (< netstandard16) (< monoandroid)) (>= net463) (>= dnxcore50) (&& (>= netstandard16) (< monotouch) (< xamarinios) (< xamarinmac))
      System.Resources.ResourceManager (>= 4.3) - restriction: || (>= dnxcore50) (&& (>= netstandard16) (< monotouch) (< xamarinios) (< xamarinmac))
      System.Runtime (>= 4.3) - restriction: || (&& (< net46) (>= netstandard13) (< netstandard14) (< monoandroid)) (&& (< net46) (>= netstandard14) (< netstandard16) (< monoandroid)) (>= net463) (>= dnxcore50) (&& (>= netstandard16) (< monotouch) (< xamarinios) (< xamarinmac))
      System.Runtime.Extensions (>= 4.3) - restriction: || (>= dnxcore50) (&& (>= netstandard16) (< monotouch) (< xamarinios) (< xamarinmac))
      System.Runtime.Handles (>= 4.3) - restriction: || (>= dnxcore50) (&& (>= netstandard16) (< monotouch) (< xamarinios) (< xamarinmac))
      System.Runtime.InteropServices (>= 4.3) - restriction: || (>= dnxcore50) (&& (>= netstandard16) (< monotouch) (< xamarinios) (< xamarinmac))
      System.Runtime.Numerics (>= 4.3) - restriction: && (>= netstandard16) (< monotouch) (< xamarinios) (< xamarinmac)
      System.Security.Cryptography.Encoding (>= 4.3) - restriction: || (>= net463) (>= dnxcore50) (&& (>= netstandard16) (< monotouch) (< xamarinios) (< xamarinmac))
      System.Security.Cryptography.Primitives (>= 4.3) - restriction: || (&& (>= net46) (< netstandard14)) (&& (< net46) (>= netstandard13) (< netstandard14) (< monoandroid)) (&& (< net46) (>= netstandard14) (< netstandard16) (< monoandroid)) (>= net461) (>= dnxcore50) (&& (>= netstandard16) (< monotouch) (< xamarinios) (< xamarinmac))
      System.Text.Encoding (>= 4.3) - restriction: || (>= dnxcore50) (&& (>= netstandard16) (< monotouch) (< xamarinios) (< xamarinmac))
    System.Security.Cryptography.Cng (4.3) - restriction: || (&& (>= net46) (>= netstandard16)) (>= dnxcore50) (&& (>= netstandard16) (< monotouch) (< xamarinios) (< xamarinmac))
      Microsoft.NETCore.Platforms (>= 1.1) - restriction: || (&& (< net46) (>= netstandard14)) (>= netstandard16)
      System.IO (>= 4.3) - restriction: || (&& (< net46) (>= netstandard13) (< netstandard14)) (&& (< net46) (>= netstandard14)) (>= netstandard16)
      System.Resources.ResourceManager (>= 4.3) - restriction: || (&& (< net46) (>= netstandard14)) (>= netstandard16)
      System.Runtime (>= 4.3) - restriction: || (&& (< net46) (>= netstandard13) (< netstandard14)) (&& (< net46) (>= netstandard14)) (>= netstandard16)
      System.Runtime.Extensions (>= 4.3) - restriction: || (&& (< net46) (>= netstandard14)) (>= netstandard16)
      System.Runtime.Handles (>= 4.3) - restriction: || (&& (< net46) (>= netstandard13) (< netstandard14)) (&& (< net46) (>= netstandard14)) (>= netstandard16)
      System.Runtime.InteropServices (>= 4.3) - restriction: || (&& (< net46) (>= netstandard14)) (>= netstandard16)
      System.Security.Cryptography.Algorithms (>= 4.3) - restriction: || (&& (>= net46) (< netstandard14)) (&& (< net46) (>= netstandard13) (< netstandard14)) (&& (< net46) (>= netstandard14)) (>= net461) (>= netstandard16)
      System.Security.Cryptography.Encoding (>= 4.3) - restriction: || (&& (< net46) (>= netstandard14)) (>= netstandard16)
      System.Security.Cryptography.Primitives (>= 4.3) - restriction: || (&& (>= net46) (< netstandard14)) (&& (< net46) (>= netstandard13) (< netstandard14)) (&& (< net46) (>= netstandard14)) (>= net461) (>= netstandard16)
      System.Text.Encoding (>= 4.3) - restriction: || (&& (< net46) (>= netstandard14)) (>= netstandard16)
    System.Security.Cryptography.Csp (4.3) - restriction: || (&& (>= net46) (>= netstandard16)) (&& (>= dnxcore50) (>= netstandard16)) (&& (>= netstandard16) (< monotouch) (< xamarinios) (< xamarinmac))
      Microsoft.NETCore.Platforms (>= 1.1) - restriction: && (< net46) (>= netstandard13) (< monotouch) (< xamarinios) (< xamarinmac)
      System.IO (>= 4.3) - restriction: && (< net46) (>= netstandard13) (< monotouch) (< xamarinios) (< xamarinmac)
      System.Reflection (>= 4.3) - restriction: && (< net46) (>= netstandard13) (< monotouch) (< xamarinios) (< xamarinmac)
      System.Resources.ResourceManager (>= 4.3) - restriction: && (< net46) (>= netstandard13) (< monotouch) (< xamarinios) (< xamarinmac)
      System.Runtime (>= 4.3) - restriction: && (< net46) (>= netstandard13) (< monotouch) (< xamarinios) (< xamarinmac)
      System.Runtime.Extensions (>= 4.3) - restriction: && (< net46) (>= netstandard13) (< monotouch) (< xamarinios) (< xamarinmac)
      System.Runtime.Handles (>= 4.3) - restriction: && (< net46) (>= netstandard13) (< monotouch) (< xamarinios) (< xamarinmac)
      System.Runtime.InteropServices (>= 4.3) - restriction: && (< net46) (>= netstandard13) (< monotouch) (< xamarinios) (< xamarinmac)
      System.Security.Cryptography.Algorithms (>= 4.3) - restriction: || (>= net46) (&& (>= netstandard13) (< monotouch) (< xamarinios) (< xamarinmac))
      System.Security.Cryptography.Encoding (>= 4.3) - restriction: && (< net46) (>= netstandard13) (< monotouch) (< xamarinios) (< xamarinmac)
      System.Security.Cryptography.Primitives (>= 4.3) - restriction: || (>= net46) (&& (>= netstandard13) (< monotouch) (< xamarinios) (< xamarinmac))
      System.Text.Encoding (>= 4.3) - restriction: && (< net46) (>= netstandard13) (< monotouch) (< xamarinios) (< xamarinmac)
      System.Threading (>= 4.3) - restriction: && (< net46) (>= netstandard13) (< monotouch) (< xamarinios) (< xamarinmac)
    System.Security.Cryptography.Encoding (4.3) - restriction: || (&& (< net20) (>= netstandard13)) (&& (< net20) (>= netstandard14) (< netstandard16) (< monoandroid)) (&& (< net45) (>= netstandard13) (< netstandard14) (< monoandroid) (< win8) (< wpa81)) (&& (< net45) (>= netstandard13) (< netstandard16) (< monoandroid) (< win8) (< wpa81)) (&& (< net45) (>= netstandard14) (< netstandard16) (< monoandroid) (< win8) (< wpa81)) (&& (< net452) (>= netstandard14)) (&& (>= net46) (< netstandard14)) (&& (>= net46) (>= netstandard16)) (>= net461) (&& (>= net463) (>= netstandard16)) (>= dnxcore50) (&& (< netstandard14) (>= netstandard16) (< monoandroid)) (&& (>= netstandard16) (< monotouch) (< xamarinios) (< xamarinmac))
      Microsoft.NETCore.Platforms (>= 1.1) - restriction: && (< net46) (>= netstandard13) (< monotouch) (< xamarinios) (< xamarinmac)
      runtime.native.System.Security.Cryptography.OpenSsl (>= 4.3) - restriction: && (< net46) (>= netstandard13) (< monotouch) (< xamarinios) (< xamarinmac)
      System.Collections (>= 4.3) - restriction: && (< net46) (>= netstandard13) (< monotouch) (< xamarinios) (< xamarinmac)
      System.Collections.Concurrent (>= 4.3) - restriction: && (< net46) (>= netstandard13) (< monotouch) (< xamarinios) (< xamarinmac)
      System.Linq (>= 4.3) - restriction: && (< net46) (>= netstandard13) (< monotouch) (< xamarinios) (< xamarinmac)
      System.Resources.ResourceManager (>= 4.3) - restriction: && (< net46) (>= netstandard13) (< monotouch) (< xamarinios) (< xamarinmac)
      System.Runtime (>= 4.3) - restriction: && (< net46) (>= netstandard13) (< monotouch) (< xamarinios) (< xamarinmac)
      System.Runtime.Extensions (>= 4.3) - restriction: && (< net46) (>= netstandard13) (< monotouch) (< xamarinios) (< xamarinmac)
      System.Runtime.Handles (>= 4.3) - restriction: && (< net46) (>= netstandard13) (< monotouch) (< xamarinios) (< xamarinmac)
      System.Runtime.InteropServices (>= 4.3) - restriction: && (< net46) (>= netstandard13) (< monotouch) (< xamarinios) (< xamarinmac)
      System.Security.Cryptography.Primitives (>= 4.3) - restriction: && (< net46) (>= netstandard13) (< monotouch) (< xamarinios) (< xamarinmac)
      System.Text.Encoding (>= 4.3) - restriction: && (< net46) (>= netstandard13) (< monotouch) (< xamarinios) (< xamarinmac)
    System.Security.Cryptography.OpenSsl (4.3) - restriction: && (>= netstandard16) (< monotouch) (< xamarinios) (< xamarinmac)
      runtime.native.System.Security.Cryptography.OpenSsl (>= 4.3) - restriction: || (>= net463) (>= netstandard16) (>= monoandroid)
      System.Collections (>= 4.3) - restriction: && (>= netstandard16) (< monotouch) (< xamarinios) (< xamarinmac)
      System.IO (>= 4.3) - restriction: || (>= net463) (&& (>= netstandard16) (< monotouch) (< xamarinios) (< xamarinmac))
      System.Resources.ResourceManager (>= 4.3) - restriction: && (>= netstandard16) (< monotouch) (< xamarinios) (< xamarinmac)
      System.Runtime (>= 4.3) - restriction: || (>= net463) (&& (>= netstandard16) (< monotouch) (< xamarinios) (< xamarinmac))
      System.Runtime.Extensions (>= 4.3) - restriction: || (>= net463) (&& (>= netstandard16) (< monotouch) (< xamarinios) (< xamarinmac))
      System.Runtime.Handles (>= 4.3) - restriction: && (>= netstandard16) (< monotouch) (< xamarinios) (< xamarinmac)
      System.Runtime.InteropServices (>= 4.3) - restriction: && (>= netstandard16) (< monotouch) (< xamarinios) (< xamarinmac)
      System.Runtime.Numerics (>= 4.3) - restriction: && (>= netstandard16) (< monotouch) (< xamarinios) (< xamarinmac)
      System.Security.Cryptography.Algorithms (>= 4.3) - restriction: || (>= net463) (&& (>= netstandard16) (< monotouch) (< xamarinios) (< xamarinmac))
      System.Security.Cryptography.Encoding (>= 4.3) - restriction: || (>= net463) (&& (>= netstandard16) (< monotouch) (< xamarinios) (< xamarinmac))
      System.Security.Cryptography.Primitives (>= 4.3) - restriction: || (>= net463) (&& (>= netstandard16) (< monotouch) (< xamarinios) (< xamarinmac))
      System.Text.Encoding (>= 4.3) - restriction: && (>= netstandard16) (< monotouch) (< xamarinios) (< xamarinmac)
    System.Security.Cryptography.Primitives (4.3) - restriction: || (&& (< net20) (>= netstandard13)) (&& (< net20) (>= netstandard14) (< monoandroid)) (&& (< net45) (>= netstandard13) (< monoandroid) (< win8) (< wpa81)) (&& (< net45) (>= netstandard14) (< monoandroid) (< win8) (< wpa81)) (&& (< net452) (>= netstandard14)) (&& (>= net46) (< netstandard14)) (>= net461) (>= dnxcore50) (>= netstandard16)
      System.Diagnostics.Debug (>= 4.3) - restriction: && (< net46) (>= netstandard13) (< monotouch) (< xamarinios) (< xamarinmac)
      System.Globalization (>= 4.3) - restriction: && (< net46) (>= netstandard13) (< monotouch) (< xamarinios) (< xamarinmac)
      System.IO (>= 4.3) - restriction: && (< net46) (>= netstandard13) (< monotouch) (< xamarinios) (< xamarinmac)
      System.Resources.ResourceManager (>= 4.3) - restriction: && (< net46) (>= netstandard13) (< monotouch) (< xamarinios) (< xamarinmac)
      System.Runtime (>= 4.3) - restriction: && (< net46) (>= netstandard13) (< monotouch) (< xamarinios) (< xamarinmac)
      System.Threading (>= 4.3) - restriction: && (< net46) (>= netstandard13) (< monotouch) (< xamarinios) (< xamarinmac)
      System.Threading.Tasks (>= 4.3) - restriction: && (< net46) (>= netstandard13) (< monotouch) (< xamarinios) (< xamarinmac)
    System.Security.Cryptography.X509Certificates (4.3) - restriction: || (&& (< net20) (>= netstandard13)) (&& (< net45) (>= netstandard13) (< netstandard16) (< monoandroid) (< win8) (< wpa81)) (&& (< net452) (>= netstandard14)) (>= net46) (>= dnxcore50) (&& (>= netstandard16) (< monotouch) (< xamarinios) (< xamarinmac))
      Microsoft.NETCore.Platforms (>= 1.1) - restriction: || (>= dnxcore50) (&& (>= netstandard16) (< monotouch) (< xamarinios) (< xamarinmac))
      runtime.native.System (>= 4.3) - restriction: && (>= netstandard16) (< monotouch) (< xamarinios) (< xamarinmac)
      runtime.native.System.Net.Http (>= 4.3) - restriction: && (>= netstandard16) (< monotouch) (< xamarinios) (< xamarinmac)
      runtime.native.System.Security.Cryptography.OpenSsl (>= 4.3) - restriction: && (>= netstandard16) (< monotouch) (< xamarinios) (< xamarinmac)
      System.Collections (>= 4.3) - restriction: || (>= dnxcore50) (&& (>= netstandard16) (< monotouch) (< xamarinios) (< xamarinmac))
      System.Diagnostics.Debug (>= 4.3) - restriction: && (>= netstandard16) (< monotouch) (< xamarinios) (< xamarinmac)
      System.Globalization (>= 4.3) - restriction: || (>= dnxcore50) (&& (>= netstandard16) (< monotouch) (< xamarinios) (< xamarinmac))
      System.Globalization.Calendars (>= 4.3) - restriction: || (>= dnxcore50) (&& (>= netstandard16) (< monotouch) (< xamarinios) (< xamarinmac))
      System.IO (>= 4.3) - restriction: || (>= dnxcore50) (&& (>= netstandard16) (< monotouch) (< xamarinios) (< xamarinmac))
      System.IO.FileSystem (>= 4.3) - restriction: || (>= dnxcore50) (&& (>= netstandard16) (< monotouch) (< xamarinios) (< xamarinmac))
      System.IO.FileSystem.Primitives (>= 4.3) - restriction: && (>= netstandard16) (< monotouch) (< xamarinios) (< xamarinmac)
      System.Resources.ResourceManager (>= 4.3) - restriction: || (>= dnxcore50) (&& (>= netstandard16) (< monotouch) (< xamarinios) (< xamarinmac))
      System.Runtime (>= 4.3) - restriction: || (&& (< net46) (>= netstandard13) (< netstandard14) (< monoandroid)) (&& (< net46) (>= netstandard14) (< netstandard16) (< monoandroid)) (>= dnxcore50) (&& (>= netstandard16) (< monotouch) (< xamarinios) (< xamarinmac))
      System.Runtime.Extensions (>= 4.3) - restriction: || (>= dnxcore50) (&& (>= netstandard16) (< monotouch) (< xamarinios) (< xamarinmac))
      System.Runtime.Handles (>= 4.3) - restriction: || (&& (< net46) (>= netstandard13) (< netstandard14) (< monoandroid)) (&& (< net46) (>= netstandard14) (< netstandard16) (< monoandroid)) (>= dnxcore50) (&& (>= netstandard16) (< monotouch) (< xamarinios) (< xamarinmac))
      System.Runtime.InteropServices (>= 4.3) - restriction: || (>= dnxcore50) (&& (>= netstandard16) (< monotouch) (< xamarinios) (< xamarinmac))
      System.Runtime.Numerics (>= 4.3) - restriction: || (>= dnxcore50) (&& (>= netstandard16) (< monotouch) (< xamarinios) (< xamarinmac))
      System.Security.Cryptography.Algorithms (>= 4.3) - restriction: || (&& (>= net46) (< netstandard14)) (&& (< net46) (>= netstandard13) (< netstandard14) (< monoandroid)) (&& (< net46) (>= netstandard14) (< netstandard16) (< monoandroid)) (>= net461) (>= dnxcore50) (&& (>= netstandard16) (< monotouch) (< xamarinios) (< xamarinmac))
      System.Security.Cryptography.Cng (>= 4.3) - restriction: || (>= dnxcore50) (&& (>= netstandard16) (< monotouch) (< xamarinios) (< xamarinmac))
      System.Security.Cryptography.Csp (>= 4.3) - restriction: && (>= netstandard16) (< monotouch) (< xamarinios) (< xamarinmac)
      System.Security.Cryptography.Encoding (>= 4.3) - restriction: || (&& (>= net46) (< netstandard14)) (&& (< net46) (>= netstandard13) (< netstandard14) (< monoandroid)) (&& (< net46) (>= netstandard14) (< netstandard16) (< monoandroid)) (>= net461) (>= dnxcore50) (&& (>= netstandard16) (< monotouch) (< xamarinios) (< xamarinmac))
      System.Security.Cryptography.OpenSsl (>= 4.3) - restriction: && (>= netstandard16) (< monotouch) (< xamarinios) (< xamarinmac)
      System.Security.Cryptography.Primitives (>= 4.3) - restriction: || (>= dnxcore50) (&& (>= netstandard16) (< monotouch) (< xamarinios) (< xamarinmac))
      System.Text.Encoding (>= 4.3) - restriction: || (>= dnxcore50) (&& (>= netstandard16) (< monotouch) (< xamarinios) (< xamarinmac))
      System.Threading (>= 4.3) - restriction: || (>= dnxcore50) (&& (>= netstandard16) (< monotouch) (< xamarinios) (< xamarinmac))
    System.Security.Principal (4.3) - restriction: && (>= netstandard16) (< monotouch) (< xamarinios) (< xamarinmac)
      System.Runtime (>= 4.3) - restriction: || (&& (< net45) (>= netstandard10) (< monotouch) (< xamarinios) (< xamarinmac) (< win8) (< wp8) (< wpa81)) (>= dnxcore50)
    System.Spatial (5.8.2) - restriction: || (>= net45) (&& (>= netstandard10) (< netstandard13) (< win8)) (&& (< netstandard10) (>= win8)) (&& (>= netstandard13) (< win8)) (>= wp8) (>= wpa81)
    System.Text.Encoding (4.3) - restriction: || (&& (< net20) (>= netstandard10) (< netstandard13)) (&& (< net20) (>= netstandard13)) (&& (< net20) (< netstandard13) (>= netstandard15)) (&& (< net20) (>= netstandard15) (< monotouch) (< xamarinios) (< xamarinmac)) (&& (< net45) (>= netstandard11) (< netstandard13) (< monoandroid) (< win8) (< wpa81)) (&& (< net45) (>= netstandard13) (< netstandard15) (< monoandroid) (< win8) (< wpa81)) (&& (< net45) (>= netstandard13) (< netstandard16) (< monoandroid) (< win8) (< wpa81)) (&& (< net45) (< netstandard13) (>= netstandard14) (< monoandroid) (< win8) (< wpa81)) (&& (< net45) (< netstandard13) (>= netstandard15) (< monoandroid)) (&& (< net45) (>= netstandard14) (< netstandard15) (< monoandroid) (< win8) (< wpa81)) (&& (< net45) (>= netstandard14) (< monotouch) (< xamarinios) (< xamarinmac) (< win8) (< wpa81)) (&& (< net45) (>= netstandard15) (< netstandard16) (< monoandroid)) (&& (< net45) (>= netstandard15) (< monotouch) (< xamarinios) (< xamarinmac)) (&& (< net452) (>= netstandard14)) (&& (>= net46) (>= netstandard16)) (>= dnxcore50) (&& (< netstandard13) (>= netstandard16) (< monoandroid)) (&& (< netstandard14) (>= netstandard16) (< monoandroid)) (&& (< netstandard15) (>= netstandard16) (< monoandroid)) (&& (>= netstandard16) (< monotouch) (< xamarinios) (< xamarinmac))
      Microsoft.NETCore.Platforms (>= 1.1) - restriction: || (&& (< net45) (>= netstandard10) (< netstandard13) (< monoandroid) (< win8) (< wp8) (< wpa81)) (&& (< net45) (>= netstandard13) (< monotouch) (< xamarinios) (< xamarinmac) (< win8) (< wpa81)) (>= dnxcore50)
      Microsoft.NETCore.Targets (>= 1.1) - restriction: || (&& (< net45) (>= netstandard10) (< netstandard13) (< monoandroid) (< win8) (< wp8) (< wpa81)) (&& (< net45) (>= netstandard13) (< monotouch) (< xamarinios) (< xamarinmac) (< win8) (< wpa81)) (>= dnxcore50)
      System.Runtime (>= 4.3) - restriction: || (&& (< net45) (>= netstandard10) (< netstandard13) (< monoandroid) (< win8) (< wp8) (< wpa81)) (&& (< net45) (>= netstandard13) (< monotouch) (< xamarinios) (< xamarinmac) (< win8) (< wpa81)) (>= dnxcore50)
    System.Text.Encoding.Extensions (4.3) - restriction: || (&& (< net20) (>= netstandard10) (< netstandard13)) (&& (< net20) (>= netstandard13)) (&& (< net45) (>= netstandard14) (< monotouch) (< xamarinios) (< xamarinmac) (< win8) (< wpa81)) (&& (< net452) (>= netstandard14)) (>= dnxcore50) (&& (>= netstandard16) (< monotouch) (< xamarinios) (< xamarinmac))
    System.Text.RegularExpressions (4.3) - restriction: || (&& (< net20) (>= netstandard10) (< netstandard13)) (&& (< net20) (>= netstandard13)) (&& (< net45) (>= netstandard14) (< monotouch) (< xamarinios) (< xamarinmac) (< win8) (< wpa81)) (&& (< net452) (>= netstandard14)) (&& (>= dnxcore50) (>= netstandard10)) (&& (>= dnxcore50) (>= netstandard13)) (&& (>= dnxcore50) (>= netstandard14)) (>= netstandard16)
      System.Collections (>= 4.3) - restriction: || (>= dnxcore50) (&& (>= netstandard16) (< netcore11) (< monotouch) (< xamarinios) (< xamarinmac))
      System.Globalization (>= 4.3) - restriction: || (>= dnxcore50) (&& (>= netstandard16) (< netcore11) (< monotouch) (< xamarinios) (< xamarinmac))
      System.Resources.ResourceManager (>= 4.3) - restriction: || (>= dnxcore50) (&& (>= netstandard16) (< netcore11) (< monotouch) (< xamarinios) (< xamarinmac))
      System.Runtime (>= 4.3) - restriction: || (&& (< net45) (>= netstandard10) (< netstandard13) (< monoandroid) (< win8) (< wp8) (< wpa81)) (&& (< net45) (>= netstandard13) (< netstandard16) (< monoandroid) (< win8) (< wpa81)) (>= dnxcore50) (&& (>= netstandard16) (< monotouch) (< xamarinios) (< xamarinmac)) (>= netcore11)
      System.Runtime.Extensions (>= 4.3) - restriction: || (>= dnxcore50) (&& (>= netstandard16) (< netcore11) (< monotouch) (< xamarinios) (< xamarinmac))
      System.Threading (>= 4.3) - restriction: || (>= dnxcore50) (&& (>= netstandard16) (< netcore11) (< monotouch) (< xamarinios) (< xamarinmac))
    System.Threading (4.3) - restriction: || (&& (< net20) (>= net462)) (&& (< net20) (>= netstandard10) (< netstandard13)) (&& (< net20) (>= netstandard11) (< netstandard13) (< win8) (< wpa81)) (&& (< net20) (>= netstandard13)) (&& (< net20) (< netstandard13) (>= netstandard15)) (&& (< net20) (>= netstandard15) (< monotouch) (< xamarinios) (< xamarinmac)) (&& (< net45) (>= netstandard13) (< monoandroid) (< win8) (< wpa81)) (&& (< net45) (>= netstandard14) (< monotouch) (< xamarinios) (< xamarinmac) (< win8) (< wpa81)) (&& (< net452) (>= netstandard14)) (>= dnxcore50) (>= netstandard16)
      System.Runtime (>= 4.3) - restriction: || (&& (< net45) (>= netstandard10) (< netstandard13) (< monoandroid) (< win8) (< wp8) (< wpa81)) (&& (< net45) (>= netstandard13) (< monotouch) (< xamarinios) (< xamarinmac) (< win8) (< wpa81)) (>= dnxcore50)
      System.Threading.Tasks (>= 4.3) - restriction: || (&& (< net45) (>= netstandard10) (< netstandard13) (< monoandroid) (< win8) (< wp8) (< wpa81)) (&& (< net45) (>= netstandard13) (< monotouch) (< xamarinios) (< xamarinmac) (< win8) (< wpa81)) (>= dnxcore50)
    System.Threading.Tasks (4.3) - restriction: || (&& (< net20) (>= netstandard10) (< netstandard13)) (&& (< net20) (>= netstandard13)) (&& (< net20) (< netstandard13) (>= netstandard15)) (&& (< net20) (>= netstandard15) (< monotouch) (< xamarinios) (< xamarinmac)) (&& (< net45) (>= netstandard11) (< netstandard13) (< monoandroid) (< win8) (< wpa81)) (&& (< net45) (>= netstandard13) (< monoandroid) (< win8) (< wpa81)) (&& (< net45) (< netstandard13) (>= netstandard14) (< monoandroid) (< win8) (< wpa81)) (&& (< net45) (>= netstandard14) (< netstandard15) (< monoandroid) (< win8) (< wpa81)) (&& (< net45) (>= netstandard14) (< monotouch) (< xamarinios) (< xamarinmac) (< win8) (< wpa81)) (&& (< net45) (>= netstandard15) (< monoandroid)) (&& (< net45) (>= netstandard15) (< monotouch) (< xamarinios) (< xamarinmac)) (&& (< net452) (>= netstandard14)) (>= dnxcore50) (>= netstandard16)
      Microsoft.NETCore.Platforms (>= 1.1) - restriction: || (&& (< net45) (>= netstandard10) (< netstandard13) (< monoandroid) (< win8) (< wp8) (< wpa81)) (&& (< net45) (>= netstandard13) (< monotouch) (< xamarinios) (< xamarinmac) (< win8) (< wpa81)) (>= dnxcore50)
      Microsoft.NETCore.Targets (>= 1.1) - restriction: || (&& (< net45) (>= netstandard10) (< netstandard13) (< monoandroid) (< win8) (< wp8) (< wpa81)) (&& (< net45) (>= netstandard13) (< monotouch) (< xamarinios) (< xamarinmac) (< win8) (< wpa81)) (>= dnxcore50)
      System.Runtime (>= 4.3) - restriction: || (&& (< net45) (>= netstandard10) (< netstandard13) (< monoandroid) (< win8) (< wp8) (< wpa81)) (&& (< net45) (>= netstandard13) (< monotouch) (< xamarinios) (< xamarinmac) (< win8) (< wpa81)) (>= dnxcore50)
    System.Threading.Tasks.Extensions (4.3) - restriction: || (&& (< net20) (>= netstandard13) (< monotouch) (< xamarinios) (< xamarinmac) (< win8) (< wpa81)) (&& (< net45) (>= netstandard14) (< monotouch) (< xamarinios) (< xamarinmac) (< win8) (< wpa81)) (&& (>= dnxcore50) (>= netstandard10)) (&& (>= dnxcore50) (>= netstandard13)) (&& (>= dnxcore50) (>= netstandard14))
      System.Collections (>= 4.3) - restriction: && (< net45) (>= netstandard10) (< monotouch) (< xamarinios) (< xamarinmac) (< win8) (< wp8) (< wpa81)
      System.Runtime (>= 4.3) - restriction: && (< net45) (>= netstandard10) (< monotouch) (< xamarinios) (< xamarinmac) (< win8) (< wp8) (< wpa81)
      System.Threading.Tasks (>= 4.3) - restriction: && (< net45) (>= netstandard10) (< monotouch) (< xamarinios) (< xamarinmac) (< win8) (< wp8) (< wpa81)
    System.Threading.Tasks.Parallel (4.3) - restriction: >= netstandard16
      System.Collections.Concurrent (>= 4.3) - restriction: || (&& (< net45) (>= netstandard11) (< netstandard13) (< monoandroid) (< win8) (< wpa81)) (&& (< net45) (>= netstandard13) (< monotouch) (< xamarinios) (< xamarinmac) (< win8) (< wpa81)) (>= dnxcore50)
      System.Diagnostics.Debug (>= 4.3) - restriction: || (&& (< net45) (>= netstandard13) (< monotouch) (< xamarinios) (< xamarinmac) (< win8) (< wpa81)) (>= dnxcore50)
      System.Diagnostics.Tracing (>= 4.3) - restriction: || (&& (< net45) (>= netstandard13) (< monotouch) (< xamarinios) (< xamarinmac) (< win8) (< wpa81)) (>= dnxcore50)
      System.Resources.ResourceManager (>= 4.3) - restriction: || (&& (< net45) (>= netstandard13) (< monotouch) (< xamarinios) (< xamarinmac) (< win8) (< wpa81)) (>= dnxcore50)
      System.Runtime (>= 4.3) - restriction: || (&& (< net45) (>= netstandard11) (< netstandard13) (< monoandroid) (< win8) (< wpa81)) (&& (< net45) (>= netstandard13) (< monotouch) (< xamarinios) (< xamarinmac) (< win8) (< wpa81)) (>= dnxcore50)
      System.Runtime.Extensions (>= 4.3) - restriction: || (&& (< net45) (>= netstandard13) (< monotouch) (< xamarinios) (< xamarinmac) (< win8) (< wpa81)) (>= dnxcore50)
      System.Threading (>= 4.3) - restriction: || (&& (< net45) (>= netstandard13) (< monotouch) (< xamarinios) (< xamarinmac) (< win8) (< wpa81)) (>= dnxcore50)
      System.Threading.Tasks (>= 4.3) - restriction: || (&& (< net45) (>= netstandard11) (< netstandard13) (< monoandroid) (< win8) (< wpa81)) (&& (< net45) (>= netstandard13) (< monotouch) (< xamarinios) (< xamarinmac) (< win8) (< wpa81)) (>= dnxcore50)
    System.Threading.Thread (4.3) - restriction: >= netstandard16
      System.Runtime (>= 4.3) - restriction: && (< net46) (>= netstandard13) (< monotouch) (< xamarinios) (< xamarinmac)
    System.Threading.ThreadPool (4.3) - restriction: >= netstandard16
      System.Runtime (>= 4.3) - restriction: && (< net46) (>= netstandard13) (< monotouch) (< xamarinios) (< xamarinmac)
      System.Runtime.Handles (>= 4.3) - restriction: && (< net46) (>= netstandard13) (< monotouch) (< xamarinios) (< xamarinmac)
    System.Threading.Timer (4.3) - restriction: || (&& (< net20) (>= netstandard12) (< netstandard13)) (&& (< net20) (>= netstandard13)) (&& (< net452) (>= netstandard14)) (>= netstandard16)
      Microsoft.NETCore.Platforms (>= 1.1) - restriction: || (&& (< net451) (>= netstandard12) (< monotouch) (< xamarinios) (< xamarinmac) (< win81) (< wpa81)) (>= dnxcore50)
      Microsoft.NETCore.Targets (>= 1.1) - restriction: || (&& (< net451) (>= netstandard12) (< monotouch) (< xamarinios) (< xamarinmac) (< win81) (< wpa81)) (>= dnxcore50)
      System.Runtime (>= 4.3) - restriction: || (&& (< net451) (>= netstandard12) (< monotouch) (< xamarinios) (< xamarinmac) (< win81) (< wpa81)) (>= dnxcore50)
    System.Xml.ReaderWriter (4.3) - restriction: || (&& (< net20) (>= netstandard10) (< netstandard13)) (&& (< net20) (>= netstandard13)) (&& (< net45) (< netstandard13) (>= netstandard14) (< monoandroid) (< win8) (< wpa81)) (&& (< net45) (>= netstandard14) (< monotouch) (< xamarinios) (< xamarinmac) (< win8) (< wpa81)) (&& (< net452) (>= netstandard14)) (&& (>= dnxcore50) (>= netstandard10)) (&& (>= dnxcore50) (>= netstandard13)) (&& (>= dnxcore50) (>= netstandard14))
      System.Collections (>= 4.3) - restriction: || (&& (< net45) (>= netstandard13) (< monotouch) (< xamarinios) (< xamarinmac) (< win8) (< wpa81)) (>= dnxcore50)
      System.Diagnostics.Debug (>= 4.3) - restriction: || (&& (< net45) (>= netstandard13) (< monotouch) (< xamarinios) (< xamarinmac) (< win8) (< wpa81)) (>= dnxcore50)
      System.Globalization (>= 4.3) - restriction: || (&& (< net45) (>= netstandard13) (< monotouch) (< xamarinios) (< xamarinmac) (< win8) (< wpa81)) (>= dnxcore50)
      System.IO (>= 4.3) - restriction: || (&& (< net45) (>= netstandard10) (< netstandard13) (< monoandroid) (< win8) (< wp8) (< wpa81)) (&& (< net45) (>= netstandard13) (< monotouch) (< xamarinios) (< xamarinmac) (< win8) (< wpa81)) (>= dnxcore50)
      System.IO.FileSystem (>= 4.3) - restriction: || (&& (< net45) (>= netstandard13) (< monotouch) (< xamarinios) (< xamarinmac) (< win8) (< wpa81)) (>= dnxcore50)
      System.IO.FileSystem.Primitives (>= 4.3) - restriction: || (&& (< net45) (>= netstandard13) (< monotouch) (< xamarinios) (< xamarinmac) (< win8) (< wpa81)) (>= dnxcore50)
      System.Resources.ResourceManager (>= 4.3) - restriction: || (&& (< net45) (>= netstandard13) (< monotouch) (< xamarinios) (< xamarinmac) (< win8) (< wpa81)) (>= dnxcore50)
      System.Runtime (>= 4.3) - restriction: || (&& (< net45) (>= netstandard10) (< netstandard13) (< monoandroid) (< win8) (< wp8) (< wpa81)) (&& (< net45) (>= netstandard13) (< monotouch) (< xamarinios) (< xamarinmac) (< win8) (< wpa81)) (>= dnxcore50)
      System.Runtime.Extensions (>= 4.3) - restriction: || (&& (< net45) (>= netstandard13) (< monotouch) (< xamarinios) (< xamarinmac) (< win8) (< wpa81)) (>= dnxcore50)
      System.Runtime.InteropServices (>= 4.3) - restriction: || (&& (< net45) (>= netstandard13) (< monotouch) (< xamarinios) (< xamarinmac) (< win8) (< wpa81)) (>= dnxcore50)
      System.Text.Encoding (>= 4.3) - restriction: || (&& (< net45) (>= netstandard10) (< netstandard13) (< monoandroid) (< win8) (< wp8) (< wpa81)) (&& (< net45) (>= netstandard13) (< monotouch) (< xamarinios) (< xamarinmac) (< win8) (< wpa81)) (>= dnxcore50)
      System.Text.Encoding.Extensions (>= 4.3) - restriction: || (&& (< net45) (>= netstandard13) (< monotouch) (< xamarinios) (< xamarinmac) (< win8) (< wpa81)) (>= dnxcore50)
      System.Text.RegularExpressions (>= 4.3) - restriction: || (&& (< net45) (>= netstandard13) (< monotouch) (< xamarinios) (< xamarinmac) (< win8) (< wpa81)) (>= dnxcore50)
      System.Threading.Tasks (>= 4.3) - restriction: || (&& (< net45) (>= netstandard10) (< netstandard13) (< monoandroid) (< win8) (< wp8) (< wpa81)) (&& (< net45) (>= netstandard13) (< monotouch) (< xamarinios) (< xamarinmac) (< win8) (< wpa81)) (>= dnxcore50)
      System.Threading.Tasks.Extensions (>= 4.3) - restriction: || (&& (< net45) (>= netstandard13) (< monotouch) (< xamarinios) (< xamarinmac) (< win8) (< wpa81)) (>= dnxcore50)
    System.Xml.XDocument (4.3) - restriction: || (&& (< net20) (>= netstandard10) (< netstandard13)) (&& (< net20) (>= netstandard13)) (&& (< net45) (>= netstandard14) (< monotouch) (< xamarinios) (< xamarinmac) (< win8) (< wpa81)) (&& (< net452) (>= netstandard14)) (&& (>= dnxcore50) (>= netstandard14))
      System.Collections (>= 4.3) - restriction: || (&& (< net45) (>= netstandard13) (< monotouch) (< xamarinios) (< xamarinmac) (< win8) (< wpa81)) (>= dnxcore50)
      System.Diagnostics.Debug (>= 4.3) - restriction: || (&& (< net45) (>= netstandard13) (< monotouch) (< xamarinios) (< xamarinmac) (< win8) (< wpa81)) (>= dnxcore50)
      System.Diagnostics.Tools (>= 4.3) - restriction: || (&& (< net45) (>= netstandard13) (< monotouch) (< xamarinios) (< xamarinmac) (< win8) (< wpa81)) (>= dnxcore50)
      System.Globalization (>= 4.3) - restriction: || (&& (< net45) (>= netstandard13) (< monotouch) (< xamarinios) (< xamarinmac) (< win8) (< wpa81)) (>= dnxcore50)
      System.IO (>= 4.3) - restriction: || (&& (< net45) (>= netstandard10) (< netstandard13) (< monoandroid) (< win8) (< wp8) (< wpa81)) (&& (< net45) (>= netstandard13) (< monotouch) (< xamarinios) (< xamarinmac) (< win8) (< wpa81)) (>= dnxcore50)
      System.Reflection (>= 4.3) - restriction: || (&& (< net45) (>= netstandard13) (< monotouch) (< xamarinios) (< xamarinmac) (< win8) (< wpa81)) (>= dnxcore50)
      System.Resources.ResourceManager (>= 4.3) - restriction: || (&& (< net45) (>= netstandard13) (< monotouch) (< xamarinios) (< xamarinmac) (< win8) (< wpa81)) (>= dnxcore50)
      System.Runtime (>= 4.3) - restriction: || (&& (< net45) (>= netstandard10) (< netstandard13) (< monoandroid) (< win8) (< wp8) (< wpa81)) (&& (< net45) (>= netstandard13) (< monotouch) (< xamarinios) (< xamarinmac) (< win8) (< wpa81)) (>= dnxcore50)
      System.Runtime.Extensions (>= 4.3) - restriction: || (&& (< net45) (>= netstandard13) (< monotouch) (< xamarinios) (< xamarinmac) (< win8) (< wpa81)) (>= dnxcore50)
      System.Text.Encoding (>= 4.3) - restriction: || (&& (< net45) (>= netstandard13) (< monotouch) (< xamarinios) (< xamarinmac) (< win8) (< wpa81)) (>= dnxcore50)
      System.Threading (>= 4.3) - restriction: || (&& (< net45) (>= netstandard13) (< monotouch) (< xamarinios) (< xamarinmac) (< win8) (< wpa81)) (>= dnxcore50)
      System.Xml.ReaderWriter (>= 4.3) - restriction: || (&& (< net45) (>= netstandard10) (< netstandard13) (< monoandroid) (< win8) (< wp8) (< wpa81)) (&& (< net45) (>= netstandard13) (< monotouch) (< xamarinios) (< xamarinmac) (< win8) (< wpa81)) (>= dnxcore50)
    System.Xml.XmlDocument (4.3) - restriction: || (&& (< net20) (>= netstandard13)) (&& (< net45) (>= net46) (>= netstandard14)) (&& (< net45) (>= netstandard14) (< monotouch) (< xamarinios) (< xamarinmac) (< win8) (< wpa81)) (&& (>= dnxcore50) (>= netstandard14))
      System.Collections (>= 4.3) - restriction: && (< net46) (>= netstandard13) (< monotouch) (< xamarinios) (< xamarinmac)
      System.Diagnostics.Debug (>= 4.3) - restriction: && (< net46) (>= netstandard13) (< monotouch) (< xamarinios) (< xamarinmac)
      System.Globalization (>= 4.3) - restriction: && (< net46) (>= netstandard13) (< monotouch) (< xamarinios) (< xamarinmac)
      System.IO (>= 4.3) - restriction: && (< net46) (>= netstandard13) (< monotouch) (< xamarinios) (< xamarinmac)
      System.Resources.ResourceManager (>= 4.3) - restriction: && (< net46) (>= netstandard13) (< monotouch) (< xamarinios) (< xamarinmac)
      System.Runtime (>= 4.3) - restriction: && (< net46) (>= netstandard13) (< monotouch) (< xamarinios) (< xamarinmac)
      System.Runtime.Extensions (>= 4.3) - restriction: && (< net46) (>= netstandard13) (< monotouch) (< xamarinios) (< xamarinmac)
      System.Text.Encoding (>= 4.3) - restriction: && (< net46) (>= netstandard13) (< monotouch) (< xamarinios) (< xamarinmac)
      System.Threading (>= 4.3) - restriction: && (< net46) (>= netstandard13) (< monotouch) (< xamarinios) (< xamarinmac)
      System.Xml.ReaderWriter (>= 4.3) - restriction: && (< net46) (>= netstandard13) (< monotouch) (< xamarinios) (< xamarinmac)
    System.Xml.XmlSerializer (4.3) - restriction: || (&& (< net45) (>= netstandard14) (< monotouch) (< xamarinios) (< xamarinmac) (< win8) (< wpa81)) (&& (>= dnxcore50) (>= netstandard14))
      System.Collections (>= 4.3) - restriction: || (&& (< net45) (>= netstandard13) (< monotouch) (< xamarinios) (< xamarinmac) (< win8) (< wpa81)) (>= dnxcore50)
      System.Globalization (>= 4.3) - restriction: || (&& (< net45) (>= netstandard13) (< monotouch) (< xamarinios) (< xamarinmac) (< win8) (< wpa81)) (>= dnxcore50)
      System.IO (>= 4.3) - restriction: || (&& (< net45) (>= netstandard10) (< netstandard13) (< monoandroid) (< win8) (< wp8) (< wpa81)) (&& (< net45) (>= netstandard13) (< monotouch) (< xamarinios) (< xamarinmac) (< win8) (< wpa81)) (>= dnxcore50)
      System.Linq (>= 4.3) - restriction: || (&& (< net45) (>= netstandard13) (< monotouch) (< xamarinios) (< xamarinmac) (< win8) (< wpa81)) (>= dnxcore50)
      System.Reflection (>= 4.3) - restriction: || (&& (< net45) (>= netstandard13) (< monotouch) (< xamarinios) (< xamarinmac) (< win8) (< wpa81)) (>= dnxcore50)
      System.Reflection.Emit (>= 4.3) - restriction: || (&& (< net45) (>= netstandard13) (< monotouch) (< xamarinios) (< xamarinmac) (< win8) (< wpa81)) (>= dnxcore50)
      System.Reflection.Emit.ILGeneration (>= 4.3) - restriction: || (&& (< net45) (>= netstandard13) (< monotouch) (< xamarinios) (< xamarinmac) (< win8) (< wpa81)) (>= dnxcore50)
      System.Reflection.Extensions (>= 4.3) - restriction: || (&& (< net45) (>= netstandard13) (< monotouch) (< xamarinios) (< xamarinmac) (< win8) (< wpa81)) (>= dnxcore50)
      System.Reflection.Primitives (>= 4.3) - restriction: || (&& (< net45) (>= netstandard13) (< monotouch) (< xamarinios) (< xamarinmac) (< win8) (< wpa81)) (>= dnxcore50)
      System.Reflection.TypeExtensions (>= 4.3) - restriction: || (&& (< net45) (>= netstandard13) (< monotouch) (< xamarinios) (< xamarinmac) (< win8) (< wpa81)) (>= dnxcore50)
      System.Resources.ResourceManager (>= 4.3) - restriction: || (&& (< net45) (>= netstandard13) (< monotouch) (< xamarinios) (< xamarinmac) (< win8) (< wpa81)) (>= dnxcore50)
      System.Runtime (>= 4.3) - restriction: || (&& (< net45) (>= netstandard10) (< netstandard13) (< monoandroid) (< win8) (< wp8) (< wpa81)) (&& (< net45) (>= netstandard13) (< monotouch) (< xamarinios) (< xamarinmac) (< win8) (< wpa81)) (>= dnxcore50)
      System.Runtime.Extensions (>= 4.3) - restriction: || (&& (< net45) (>= netstandard13) (< monotouch) (< xamarinios) (< xamarinmac) (< win8) (< wpa81)) (>= dnxcore50)
      System.Text.RegularExpressions (>= 4.3) - restriction: || (&& (< net45) (>= netstandard13) (< monotouch) (< xamarinios) (< xamarinmac) (< win8) (< wpa81)) (>= dnxcore50)
      System.Threading (>= 4.3) - restriction: || (&& (< net45) (>= netstandard13) (< monotouch) (< xamarinios) (< xamarinmac) (< win8) (< wpa81)) (>= dnxcore50)
      System.Xml.ReaderWriter (>= 4.3) - restriction: || (&& (< net45) (>= netstandard10) (< netstandard13) (< monoandroid) (< win8) (< wp8) (< wpa81)) (&& (< net45) (>= netstandard13) (< monotouch) (< xamarinios) (< xamarinmac) (< win8) (< wpa81)) (>= dnxcore50)
      System.Xml.XmlDocument (>= 4.3) - restriction: || (&& (< net45) (>= netstandard13) (< monotouch) (< xamarinios) (< xamarinmac) (< win8) (< wpa81)) (>= dnxcore50)
    WindowsAzure.Storage (8.1.4)
      Microsoft.Azure.KeyVault.Core (>= 1.0) - restriction: || (>= net45) (>= wp8)
      Microsoft.Data.OData (>= 5.8.2) - restriction: || (>= net45) (&& (>= netstandard10) (< netstandard13) (< win8)) (&& (< netstandard10) (>= win8)) (&& (>= netstandard13) (< win8)) (>= wp8) (>= wpa81)
      Microsoft.Data.Services.Client (>= 5.8.2) - restriction: >= net45
      NETStandard.Library (>= 1.6) - restriction: || (&& (< net45) (>= netstandard10) (< netstandard13) (< win8) (< wp8) (< wpa81)) (&& (< net45) (>= netstandard13) (< win8) (< wpa81))
      Newtonsoft.Json (>= 6.0.8) - restriction: || (>= net45) (&& (< netstandard10) (>= win8)) (>= wp8) (>= wpa81)
      Newtonsoft.Json (>= 9.0.1) - restriction: || (&& (< net45) (>= netstandard10) (< netstandard13) (< win8) (< wp8) (< wpa81)) (&& (< net45) (>= netstandard13) (< win8) (< wpa81))
      System.Spatial (>= 5.8.2) - restriction: || (&& (< net45) (>= netstandard10) (< netstandard13) (< win8) (< wp8) (< wpa81)) (&& (< net45) (>= netstandard13) (< win8) (< wpa81))
    Zlib.Portable (1.11) - restriction: || (&& (< net40) (>= portable-net45+win8)) (&& (< net40) (>= portable-net45+win8+sl5) (< portable-net45+win8+wp8+wpa81)) (&& (< net40) (< portable-net45+win8+sl5) (>= portable-net45+win8+wp8+wpa81))
